RESTRICTION: || (== net472) (== net48) (== net5.0-windows7.0) (== netcoreapp3.1) (== netstandard2.0) (== xamarinmac)
NUGET
  remote: https://api.nuget.org/v3/index.json
    BlackFox.MasterOfFoo (1.0.6)
      FSharp.Core (>= 4.0.0.1) - restriction: || (== net472) (== net48) (&& (== net5.0-windows7.0) (>= net45)) (&& (== netcoreapp3.1) (>= net45)) (&& (== netstandard2.0) (>= net45)) (&& (== xamarinmac) (>= net45))
      FSharp.Core (>= 4.2.3) - restriction: || (&& (== net472) (< net45)) (&& (== net48) (< net45)) (== net5.0-windows7.0) (== netcoreapp3.1) (== netstandard2.0) (== xamarinmac)
    cef.redist.x64 (86.0.24) - restriction: || (== net472) (== net48) (== net5.0-windows7.0) (== netcoreapp3.1) (&& (== netstandard2.0) (>= net452)) (&& (== netstandard2.0) (>= netcoreapp3.0)) (&& (== xamarinmac) (>= net452)) (&& (== xamarinmac) (>= netcoreapp3.0))
    cef.redist.x86 (86.0.24) - restriction: || (== net472) (== net48) (== net5.0-windows7.0) (== netcoreapp3.1) (&& (== netstandard2.0) (>= net452)) (&& (== netstandard2.0) (>= netcoreapp3.0)) (&& (== xamarinmac) (>= net452)) (&& (== xamarinmac) (>= netcoreapp3.0))
    CefSharp.Common (86.0.241) - restriction: || (== net472) (== net48) (== net5.0-windows7.0) (== netcoreapp3.1) (&& (== netstandard2.0) (>= net452)) (&& (== netstandard2.0) (>= netcoreapp3.0)) (&& (== xamarinmac) (>= net452)) (&& (== xamarinmac) (>= netcoreapp3.0))
      cef.redist.x64 (86.0.24)
      cef.redist.x86 (86.0.24)
    CefSharp.WinForms (86.0.241)
      CefSharp.Common (86.0.241) - restriction: || (== net472) (== net48) (== net5.0-windows7.0) (== netcoreapp3.1) (&& (== netstandard2.0) (>= net452)) (&& (== netstandard2.0) (>= netcoreapp3.0)) (&& (== xamarinmac) (>= net452)) (&& (== xamarinmac) (>= netcoreapp3.0))
    CefSharp.Wpf (86.0.241)
      CefSharp.Common (86.0.241) - restriction: || (== net472) (== net48) (== net5.0-windows7.0) (== netcoreapp3.1) (&& (== netstandard2.0) (>= net452)) (&& (== netstandard2.0) (>= netcoreapp3.0)) (&& (== xamarinmac) (>= net452)) (&& (== xamarinmac) (>= netcoreapp3.0))
    FSharp.Core (4.2.3)
      System.Collections (>= 4.0.11) - restriction: || (&& (== net472) (< net45)) (&& (== net48) (< net45)) (== net5.0-windows7.0) (== netcoreapp3.1) (== netstandard2.0) (== xamarinmac)
      System.Console (>= 4.0) - restriction: || (&& (== net472) (< net45)) (&& (== net48) (< net45)) (== net5.0-windows7.0) (== netcoreapp3.1) (== netstandard2.0) (== xamarinmac)
      System.Diagnostics.Debug (>= 4.0.11) - restriction: || (&& (== net472) (< net45)) (&& (== net48) (< net45)) (== net5.0-windows7.0) (== netcoreapp3.1) (== netstandard2.0) (== xamarinmac)
      System.Diagnostics.Tools (>= 4.0.1) - restriction: || (&& (== net472) (< net45)) (&& (== net48) (< net45)) (== net5.0-windows7.0) (== netcoreapp3.1) (== netstandard2.0) (== xamarinmac)
      System.Globalization (>= 4.0.11) - restriction: || (&& (== net472) (< net45)) (&& (== net48) (< net45)) (== net5.0-windows7.0) (== netcoreapp3.1) (== netstandard2.0) (== xamarinmac)
      System.IO (>= 4.1) - restriction: || (&& (== net472) (< net45)) (&& (== net48) (< net45)) (== net5.0-windows7.0) (== netcoreapp3.1) (== netstandard2.0) (== xamarinmac)
      System.Linq (>= 4.1) - restriction: || (&& (== net472) (< net45)) (&& (== net48) (< net45)) (== net5.0-windows7.0) (== netcoreapp3.1) (== netstandard2.0) (== xamarinmac)
      System.Linq.Expressions (>= 4.1) - restriction: || (&& (== net472) (< net45)) (&& (== net48) (< net45)) (== net5.0-windows7.0) (== netcoreapp3.1) (== netstandard2.0) (== xamarinmac)
      System.Linq.Queryable (>= 4.0.1) - restriction: || (&& (== net472) (< net45)) (&& (== net48) (< net45)) (== net5.0-windows7.0) (== netcoreapp3.1) (== netstandard2.0) (== xamarinmac)
      System.Net.Requests (>= 4.0.11) - restriction: || (&& (== net472) (< net45)) (&& (== net48) (< net45)) (== net5.0-windows7.0) (== netcoreapp3.1) (== netstandard2.0) (== xamarinmac)
      System.Reflection (>= 4.1) - restriction: || (&& (== net472) (< net45)) (&& (== net48) (< net45)) (== net5.0-windows7.0) (== netcoreapp3.1) (== netstandard2.0) (== xamarinmac)
      System.Reflection.Extensions (>= 4.0.1) - restriction: || (&& (== net472) (< net45)) (&& (== net48) (< net45)) (== net5.0-windows7.0) (== netcoreapp3.1) (== netstandard2.0) (== xamarinmac)
      System.Resources.ResourceManager (>= 4.0.1) - restriction: || (&& (== net472) (< net45)) (&& (== net48) (< net45)) (== net5.0-windows7.0) (== netcoreapp3.1) (== netstandard2.0) (== xamarinmac)
      System.Runtime (>= 4.1) - restriction: || (&& (== net472) (< net45)) (&& (== net48) (< net45)) (== net5.0-windows7.0) (== netcoreapp3.1) (== netstandard2.0) (== xamarinmac)
      System.Runtime.Extensions (>= 4.1) - restriction: || (&& (== net472) (< net45)) (&& (== net48) (< net45)) (== net5.0-windows7.0) (== netcoreapp3.1) (== netstandard2.0) (== xamarinmac)
      System.Runtime.Numerics (>= 4.0.1) - restriction: || (&& (== net472) (< net45)) (&& (== net48) (< net45)) (== net5.0-windows7.0) (== netcoreapp3.1) (== netstandard2.0) (== xamarinmac)
      System.Text.RegularExpressions (>= 4.1) - restriction: || (&& (== net472) (< net45)) (&& (== net48) (< net45)) (== net5.0-windows7.0) (== netcoreapp3.1) (== netstandard2.0) (== xamarinmac)
      System.Threading (>= 4.0.11) - restriction: || (&& (== net472) (< net45)) (&& (== net48) (< net45)) (== net5.0-windows7.0) (== netcoreapp3.1) (== netstandard2.0) (== xamarinmac)
      System.Threading.Tasks (>= 4.0.11) - restriction: || (&& (== net472) (< net45)) (&& (== net48) (< net45)) (== net5.0-windows7.0) (== netcoreapp3.1) (== netstandard2.0) (== xamarinmac)
      System.Threading.Tasks.Parallel (>= 4.0.1) - restriction: || (&& (== net472) (< net45)) (&& (== net48) (< net45)) (== net5.0-windows7.0) (== netcoreapp3.1) (== netstandard2.0) (== xamarinmac)
      System.Threading.Thread (>= 4.0) - restriction: || (&& (== net472) (< net45)) (&& (== net48) (< net45)) (== net5.0-windows7.0) (== netcoreapp3.1) (== netstandard2.0) (== xamarinmac)
      System.Threading.ThreadPool (>= 4.0.10) - restriction: || (&& (== net472) (< net45)) (&& (== net48) (< net45)) (== net5.0-windows7.0) (== netcoreapp3.1) (== netstandard2.0) (== xamarinmac)
      System.Threading.Timer (>= 4.0.1) - restriction: || (&& (== net472) (< net45)) (&& (== net48) (< net45)) (== net5.0-windows7.0) (== netcoreapp3.1) (== netstandard2.0) (== xamarinmac)
    Microsoft.NETCore.Platforms (6.0.3) - restriction: || (&& (== net472) (== xamarinmac)) (&& (== net472) (< net45)) (&& (== net48) (== xamarinmac)) (&& (== net48) (< net45)) (== net5.0-windows7.0) (== netcoreapp3.1) (== netstandard2.0) (&& (== xamarinmac) (< netstandard1.2)) (&& (== xamarinmac) (< netstandard1.3)) (&& (== xamarinmac) (< netstandard1.5))
    Microsoft.NETCore.Targets (5.0) - restriction: || (&& (== net472) (== xamarinmac)) (&& (== net472) (< net45)) (&& (== net48) (== xamarinmac)) (&& (== net48) (< net45)) (== net5.0-windows7.0) (== netcoreapp3.1) (== netstandard2.0) (&& (== xamarinmac) (< netstandard1.2)) (&& (== xamarinmac) (< netstandard1.3)) (&& (== xamarinmac) (< netstandard1.5))
    NuGet.Build.Tasks.Pack (6.2)
    runtime.debian.8-x64.runtime.native.System.Security.Cryptography.OpenSsl (4.3.3) - restriction: || (&& (== net472) (== xamarinmac)) (&& (== net472) (< net45)) (&& (== net48) (== xamarinmac)) (&& (== net48) (< net45)) (== net5.0-windows7.0) (== netcoreapp3.1) (== netstandard2.0)
    runtime.debian.9-x64.runtime.native.System.Security.Cryptography.OpenSsl (4.3.3) - restriction: || (&& (== net472) (== xamarinmac)) (&& (== net472) (< net45)) (&& (== net48) (== xamarinmac)) (&& (== net48) (< net45)) (== net5.0-windows7.0) (== netcoreapp3.1) (== netstandard2.0)
    runtime.fedora.23-x64.runtime.native.System.Security.Cryptography.OpenSsl (4.3.3) - restriction: || (&& (== net472) (== xamarinmac)) (&& (== net472) (< net45)) (&& (== net48) (== xamarinmac)) (&& (== net48) (< net45)) (== net5.0-windows7.0) (== netcoreapp3.1) (== netstandard2.0)
    runtime.fedora.24-x64.runtime.native.System.Security.Cryptography.OpenSsl (4.3.3) - restriction: || (&& (== net472) (== xamarinmac)) (&& (== net472) (< net45)) (&& (== net48) (== xamarinmac)) (&& (== net48) (< net45)) (== net5.0-windows7.0) (== netcoreapp3.1) (== netstandard2.0)
    runtime.fedora.27-x64.runtime.native.System.Security.Cryptography.OpenSsl (4.3.3) - restriction: || (&& (== net472) (== xamarinmac)) (&& (== net472) (< net45)) (&& (== net48) (== xamarinmac)) (&& (== net48) (< net45)) (== net5.0-windows7.0) (== netcoreapp3.1) (== netstandard2.0)
    runtime.fedora.28-x64.runtime.native.System.Security.Cryptography.OpenSsl (4.3.3) - restriction: || (&& (== net472) (== xamarinmac)) (&& (== net472) (< net45)) (&& (== net48) (== xamarinmac)) (&& (== net48) (< net45)) (== net5.0-windows7.0) (== netcoreapp3.1) (== netstandard2.0)
    runtime.native.System (4.3.1) - restriction: || (&& (== net472) (== xamarinmac)) (&& (== net472) (< net45)) (&& (== net48) (== xamarinmac)) (&& (== net48) (< net45)) (== net5.0-windows7.0) (== netcoreapp3.1) (== netstandard2.0)
      Microsoft.NETCore.Platforms (>= 1.1.1)
      Microsoft.NETCore.Targets (>= 1.1.3)
    runtime.native.System.Net.Http (4.3.1) - restriction: || (&& (== net472) (== xamarinmac)) (&& (== net472) (< net45)) (&& (== net48) (== xamarinmac)) (&& (== net48) (< net45)) (== net5.0-windows7.0) (== netcoreapp3.1) (== netstandard2.0)
      Microsoft.NETCore.Platforms (>= 1.1.1)
      Microsoft.NETCore.Targets (>= 1.1.3)
    runtime.native.System.Security.Cryptography.Apple (4.3.1) - restriction: || (&& (== net472) (== xamarinmac)) (&& (== net472) (< net45)) (&& (== net48) (== xamarinmac)) (&& (== net48) (< net45)) (== net5.0-windows7.0) (== netcoreapp3.1) (== netstandard2.0)
      runtime.osx.10.10-x64.runtime.native.System.Security.Cryptography.Apple (>= 4.3.1)
    runtime.native.System.Security.Cryptography.OpenSsl (4.3.3) - restriction: || (&& (== net472) (== xamarinmac)) (&& (== net472) (< net45)) (&& (== net48) (== xamarinmac)) (&& (== net48) (< net45)) (== net5.0-windows7.0) (== netcoreapp3.1) (== netstandard2.0)
      runtime.debian.8-x64.runtime.native.System.Security.Cryptography.OpenSsl (>= 4.3.3)
      runtime.debian.9-x64.runtime.native.System.Security.Cryptography.OpenSsl (>= 4.3.3)
      runtime.fedora.23-x64.runtime.native.System.Security.Cryptography.OpenSsl (>= 4.3.3)
      runtime.fedora.24-x64.runtime.native.System.Security.Cryptography.OpenSsl (>= 4.3.3)
      runtime.fedora.27-x64.runtime.native.System.Security.Cryptography.OpenSsl (>= 4.3.3)
      runtime.fedora.28-x64.runtime.native.System.Security.Cryptography.OpenSsl (>= 4.3.3)
      runtime.opensuse.13.2-x64.runtime.native.System.Security.Cryptography.OpenSsl (>= 4.3.3)
      runtime.opensuse.42.1-x64.runtime.native.System.Security.Cryptography.OpenSsl (>= 4.3.3)
      runtime.opensuse.42.3-x64.runtime.native.System.Security.Cryptography.OpenSsl (>= 4.3.3)
      runtime.osx.10.10-x64.runtime.native.System.Security.Cryptography.OpenSsl (>= 4.3.3)
      runtime.rhel.7-x64.runtime.native.System.Security.Cryptography.OpenSsl (>= 4.3.3)
      runtime.ubuntu.14.04-x64.runtime.native.System.Security.Cryptography.OpenSsl (>= 4.3.3)
      runtime.ubuntu.16.04-x64.runtime.native.System.Security.Cryptography.OpenSsl (>= 4.3.3)
      runtime.ubuntu.16.10-x64.runtime.native.System.Security.Cryptography.OpenSsl (>= 4.3.3)
      runtime.ubuntu.18.04-x64.runtime.native.System.Security.Cryptography.OpenSsl (>= 4.3.3)
    runtime.opensuse.13.2-x64.runtime.native.System.Security.Cryptography.OpenSsl (4.3.3) - restriction: || (&& (== net472) (== xamarinmac)) (&& (== net472) (< net45)) (&& (== net48) (== xamarinmac)) (&& (== net48) (< net45)) (== net5.0-windows7.0) (== netcoreapp3.1) (== netstandard2.0)
    runtime.opensuse.42.1-x64.runtime.native.System.Security.Cryptography.OpenSsl (4.3.3) - restriction: || (&& (== net472) (== xamarinmac)) (&& (== net472) (< net45)) (&& (== net48) (== xamarinmac)) (&& (== net48) (< net45)) (== net5.0-windows7.0) (== netcoreapp3.1) (== netstandard2.0)
    runtime.opensuse.42.3-x64.runtime.native.System.Security.Cryptography.OpenSsl (4.3.3) - restriction: || (&& (== net472) (== xamarinmac)) (&& (== net472) (< net45)) (&& (== net48) (== xamarinmac)) (&& (== net48) (< net45)) (== net5.0-windows7.0) (== netcoreapp3.1) (== netstandard2.0)
    runtime.osx.10.10-x64.runtime.native.System.Security.Cryptography.Apple (4.3.1) - restriction: || (&& (== net472) (== xamarinmac)) (&& (== net472) (< net45)) (&& (== net48) (== xamarinmac)) (&& (== net48) (< net45)) (== net5.0-windows7.0) (== netcoreapp3.1) (== netstandard2.0)
    runtime.osx.10.10-x64.runtime.native.System.Security.Cryptography.OpenSsl (4.3.3) - restriction: || (&& (== net472) (== xamarinmac)) (&& (== net472) (< net45)) (&& (== net48) (== xamarinmac)) (&& (== net48) (< net45)) (== net5.0-windows7.0) (== netcoreapp3.1) (== netstandard2.0)
    runtime.rhel.7-x64.runtime.native.System.Security.Cryptography.OpenSsl (4.3.3) - restriction: || (&& (== net472) (== xamarinmac)) (&& (== net472) (< net45)) (&& (== net48) (== xamarinmac)) (&& (== net48) (< net45)) (== net5.0-windows7.0) (== netcoreapp3.1) (== netstandard2.0)
    runtime.ubuntu.14.04-x64.runtime.native.System.Security.Cryptography.OpenSsl (4.3.3) - restriction: || (&& (== net472) (== xamarinmac)) (&& (== net472) (< net45)) (&& (== net48) (== xamarinmac)) (&& (== net48) (< net45)) (== net5.0-windows7.0) (== netcoreapp3.1) (== netstandard2.0)
    runtime.ubuntu.16.04-x64.runtime.native.System.Security.Cryptography.OpenSsl (4.3.3) - restriction: || (&& (== net472) (== xamarinmac)) (&& (== net472) (< net45)) (&& (== net48) (== xamarinmac)) (&& (== net48) (< net45)) (== net5.0-windows7.0) (== netcoreapp3.1) (== netstandard2.0)
    runtime.ubuntu.16.10-x64.runtime.native.System.Security.Cryptography.OpenSsl (4.3.3) - restriction: || (&& (== net472) (== xamarinmac)) (&& (== net472) (< net45)) (&& (== net48) (== xamarinmac)) (&& (== net48) (< net45)) (== net5.0-windows7.0) (== netcoreapp3.1) (== netstandard2.0)
    runtime.ubuntu.18.04-x64.runtime.native.System.Security.Cryptography.OpenSsl (4.3.3) - restriction: || (&& (== net472) (== xamarinmac)) (&& (== net472) (< net45)) (&& (== net48) (== xamarinmac)) (&& (== net48) (< net45)) (== net5.0-windows7.0) (== netcoreapp3.1) (== netstandard2.0)
    System.Buffers (4.5.1)
    System.Collections (4.3) - restriction: || (&& (== net472) (< net45)) (&& (== net48) (< net45)) (== net5.0-windows7.0) (== netcoreapp3.1) (== netstandard2.0) (== xamarinmac)
      Microsoft.NETCore.Platforms (>= 1.1) - restriction: || (&& (== net472) (== xamarinmac)) (&& (== net472) (< net45)) (&& (== net48) (== xamarinmac)) (&& (== net48) (< net45)) (== net5.0-windows7.0) (== netcoreapp3.1) (== netstandard2.0) (&& (== xamarinmac) (< netstandard1.3))
      Microsoft.NETCore.Targets (>= 1.1) - restriction: || (&& (== net472) (== xamarinmac)) (&& (== net472) (< net45)) (&& (== net48) (== xamarinmac)) (&& (== net48) (< net45)) (== net5.0-windows7.0) (== netcoreapp3.1) (== netstandard2.0) (&& (== xamarinmac) (< netstandard1.3))
      System.Runtime (>= 4.3) - restriction: || (&& (== net472) (== xamarinmac)) (&& (== net472) (< net45)) (&& (== net48) (== xamarinmac)) (&& (== net48) (< net45)) (== net5.0-windows7.0) (== netcoreapp3.1) (== netstandard2.0) (&& (== xamarinmac) (< netstandard1.3))
    System.Collections.Concurrent (4.3) - restriction: || (&& (== net472) (== xamarinmac)) (&& (== net472) (< net45)) (&& (== net48) (== xamarinmac)) (&& (== net48) (< net45)) (== net5.0-windows7.0) (== netcoreapp3.1) (== netstandard2.0) (&& (== xamarinmac) (< netstandard1.3))
      System.Collections (>= 4.3) - restriction: || (&& (== net472) (== xamarinmac)) (&& (== net472) (< net45)) (&& (== net48) (== xamarinmac)) (&& (== net48) (< net45)) (== net5.0-windows7.0) (== netcoreapp3.1) (== netstandard2.0)
      System.Diagnostics.Debug (>= 4.3) - restriction: || (&& (== net472) (== xamarinmac)) (&& (== net472) (< net45)) (&& (== net48) (== xamarinmac)) (&& (== net48) (< net45)) (== net5.0-windows7.0) (== netcoreapp3.1) (== netstandard2.0)
      System.Diagnostics.Tracing (>= 4.3) - restriction: || (&& (== net472) (== xamarinmac)) (&& (== net472) (< net45)) (&& (== net48) (== xamarinmac)) (&& (== net48) (< net45)) (== net5.0-windows7.0) (== netcoreapp3.1) (== netstandard2.0)
      System.Globalization (>= 4.3) - restriction: || (&& (== net472) (== xamarinmac)) (&& (== net472) (< net45)) (&& (== net48) (== xamarinmac)) (&& (== net48) (< net45)) (== net5.0-windows7.0) (== netcoreapp3.1) (== netstandard2.0)
      System.Reflection (>= 4.3) - restriction: || (&& (== net472) (== xamarinmac)) (&& (== net472) (< net45)) (&& (== net48) (== xamarinmac)) (&& (== net48) (< net45)) (== net5.0-windows7.0) (== netcoreapp3.1) (== netstandard2.0)
      System.Resources.ResourceManager (>= 4.3) - restriction: || (&& (== net472) (== xamarinmac)) (&& (== net472) (< net45)) (&& (== net48) (== xamarinmac)) (&& (== net48) (< net45)) (== net5.0-windows7.0) (== netcoreapp3.1) (== netstandard2.0)
      System.Runtime (>= 4.3) - restriction: || (&& (== net472) (== xamarinmac)) (&& (== net472) (< net45)) (&& (== net48) (== xamarinmac)) (&& (== net48) (< net45)) (== net5.0-windows7.0) (== netcoreapp3.1) (== netstandard2.0) (&& (== xamarinmac) (< netstandard1.3))
      System.Runtime.Extensions (>= 4.3) - restriction: || (&& (== net472) (== xamarinmac)) (&& (== net472) (< net45)) (&& (== net48) (== xamarinmac)) (&& (== net48) (< net45)) (== net5.0-windows7.0) (== netcoreapp3.1) (== netstandard2.0)
      System.Threading (>= 4.3) - restriction: || (&& (== net472) (== xamarinmac)) (&& (== net472) (< net45)) (&& (== net48) (== xamarinmac)) (&& (== net48) (< net45)) (== net5.0-windows7.0) (== netcoreapp3.1) (== netstandard2.0)
      System.Threading.Tasks (>= 4.3) - restriction: || (&& (== net472) (== xamarinmac)) (&& (== net472) (< net45)) (&& (== net48) (== xamarinmac)) (&& (== net48) (< net45)) (== net5.0-windows7.0) (== netcoreapp3.1) (== netstandard2.0) (&& (== xamarinmac) (< netstandard1.3))
    System.Console (4.3.1) - restriction: || (&& (== net472) (< net45)) (&& (== net48) (< net45)) (== net5.0-windows7.0) (== netcoreapp3.1) (== netstandard2.0) (== xamarinmac)
      Microsoft.NETCore.Platforms (>= 1.1) - restriction: || (&& (== net472) (== xamarinmac)) (&& (== net472) (< net46)) (&& (== net48) (== xamarinmac)) (&& (== net48) (< net46)) (== net5.0-windows7.0) (== netcoreapp3.1) (== netstandard2.0)
      Microsoft.NETCore.Targets (>= 1.1.2) - restriction: || (&& (== net472) (== xamarinmac)) (&& (== net472) (< net46)) (&& (== net48) (== xamarinmac)) (&& (== net48) (< net46)) (== net5.0-windows7.0) (== netcoreapp3.1) (== netstandard2.0)
      System.IO (>= 4.3) - restriction: || (&& (== net472) (== xamarinmac)) (&& (== net472) (< net46)) (&& (== net48) (== xamarinmac)) (&& (== net48) (< net46)) (== net5.0-windows7.0) (== netcoreapp3.1) (== netstandard2.0)
      System.Runtime (>= 4.3) - restriction: || (&& (== net472) (== xamarinmac)) (&& (== net472) (< net46)) (&& (== net48) (== xamarinmac)) (&& (== net48) (< net46)) (== net5.0-windows7.0) (== netcoreapp3.1) (== netstandard2.0)
      System.Text.Encoding (>= 4.3) - restriction: || (&& (== net472) (== xamarinmac)) (&& (== net472) (< net46)) (&& (== net48) (== xamarinmac)) (&& (== net48) (< net46)) (== net5.0-windows7.0) (== netcoreapp3.1) (== netstandard2.0)
    System.Diagnostics.Debug (4.3) - restriction: || (&& (== net472) (< net45)) (&& (== net48) (< net45)) (== net5.0-windows7.0) (== netcoreapp3.1) (== netstandard2.0) (== xamarinmac)
      Microsoft.NETCore.Platforms (>= 1.1) - restriction: || (&& (== net472) (== xamarinmac)) (&& (== net472) (< net45)) (&& (== net48) (== xamarinmac)) (&& (== net48) (< net45)) (== net5.0-windows7.0) (== netcoreapp3.1) (== netstandard2.0) (&& (== xamarinmac) (< netstandard1.3))
      Microsoft.NETCore.Targets (>= 1.1) - restriction: || (&& (== net472) (== xamarinmac)) (&& (== net472) (< net45)) (&& (== net48) (== xamarinmac)) (&& (== net48) (< net45)) (== net5.0-windows7.0) (== netcoreapp3.1) (== netstandard2.0) (&& (== xamarinmac) (< netstandard1.3))
      System.Runtime (>= 4.3) - restriction: || (&& (== net472) (== xamarinmac)) (&& (== net472) (< net45)) (&& (== net48) (== xamarinmac)) (&& (== net48) (< net45)) (== net5.0-windows7.0) (== netcoreapp3.1) (== netstandard2.0) (&& (== xamarinmac) (< netstandard1.3))
    System.Diagnostics.DiagnosticSource (6.0) - restriction: || (&& (== net472) (== xamarinmac)) (&& (== net472) (< net45)) (&& (== net48) (== xamarinmac)) (&& (== net48) (< net45)) (== net5.0-windows7.0) (== netcoreapp3.1) (== netstandard2.0)
      System.Memory (>= 4.5.4) - restriction: || (== net472) (== net48) (&& (== net5.0-windows7.0) (>= net461)) (&& (== net5.0-windows7.0) (< net5.0)) (== netcoreapp3.1) (== netstandard2.0) (== xamarinmac)
      System.Runtime.CompilerServices.Unsafe (>= 6.0)
    System.Diagnostics.Tools (4.3) - restriction: || (&& (== net472) (< net45)) (&& (== net48) (< net45)) (== net5.0-windows7.0) (== netcoreapp3.1) (== netstandard2.0) (== xamarinmac)
      Microsoft.NETCore.Platforms (>= 1.1) - restriction: || (&& (== net472) (== xamarinmac)) (&& (== net472) (< net45)) (&& (== net48) (== xamarinmac)) (&& (== net48) (< net45)) (== net5.0-windows7.0) (== netcoreapp3.1) (== netstandard2.0)
      Microsoft.NETCore.Targets (>= 1.1) - restriction: || (&& (== net472) (== xamarinmac)) (&& (== net472) (< net45)) (&& (== net48) (== xamarinmac)) (&& (== net48) (< net45)) (== net5.0-windows7.0) (== netcoreapp3.1) (== netstandard2.0)
      System.Runtime (>= 4.3) - restriction: || (&& (== net472) (== xamarinmac)) (&& (== net472) (< net45)) (&& (== net48) (== xamarinmac)) (&& (== net48) (< net45)) (== net5.0-windows7.0) (== netcoreapp3.1) (== netstandard2.0)
    System.Diagnostics.Tracing (4.3) - restriction: || (&& (== net472) (== xamarinmac)) (&& (== net472) (< net45)) (&& (== net48) (== xamarinmac)) (&& (== net48) (< net45)) (== net5.0-windows7.0) (== netcoreapp3.1) (== netstandard2.0)
      Microsoft.NETCore.Platforms (>= 1.1) - restriction: || (&& (== net472) (== xamarinmac)) (&& (== net472) (< net45)) (&& (== net48) (== xamarinmac)) (&& (== net48) (< net45)) (== net5.0-windows7.0) (== netcoreapp3.1) (== netstandard2.0) (&& (== xamarinmac) (< netstandard1.2)) (&& (== xamarinmac) (< netstandard1.3)) (&& (== xamarinmac) (< netstandard1.5))
      Microsoft.NETCore.Targets (>= 1.1) - restriction: || (&& (== net472) (== xamarinmac)) (&& (== net472) (< net45)) (&& (== net48) (== xamarinmac)) (&& (== net48) (< net45)) (== net5.0-windows7.0) (== netcoreapp3.1) (== netstandard2.0) (&& (== xamarinmac) (< netstandard1.2)) (&& (== xamarinmac) (< netstandard1.3)) (&& (== xamarinmac) (< netstandard1.5))
      System.Runtime (>= 4.3) - restriction: || (&& (== net472) (== xamarinmac)) (&& (== net472) (< net45)) (&& (== net48) (== xamarinmac)) (&& (== net48) (< net45)) (== net5.0-windows7.0) (== netcoreapp3.1) (== netstandard2.0) (&& (== xamarinmac) (< netstandard1.2)) (&& (== xamarinmac) (< netstandard1.3)) (&& (== xamarinmac) (< netstandard1.5))
    System.Formats.Asn1 (6.0) - restriction: || (&& (== net472) (>= netcoreapp3.0)) (&& (== net48) (>= netcoreapp3.0)) (== net5.0-windows7.0) (== netcoreapp3.1) (&& (== netstandard2.0) (>= netcoreapp3.0))
      System.Buffers (>= 4.5.1)
      System.Memory (>= 4.5.4)
    System.Globalization (4.3) - restriction: || (&& (== net472) (< net45)) (&& (== net48) (< net45)) (== net5.0-windows7.0) (== netcoreapp3.1) (== netstandard2.0) (== xamarinmac)
      Microsoft.NETCore.Platforms (>= 1.1) - restriction: || (&& (== net472) (== xamarinmac)) (&& (== net472) (< net45)) (&& (== net48) (== xamarinmac)) (&& (== net48) (< net45)) (== net5.0-windows7.0) (== netcoreapp3.1) (== netstandard2.0) (&& (== xamarinmac) (< netstandard1.3))
      Microsoft.NETCore.Targets (>= 1.1) - restriction: || (&& (== net472) (== xamarinmac)) (&& (== net472) (< net45)) (&& (== net48) (== xamarinmac)) (&& (== net48) (< net45)) (== net5.0-windows7.0) (== netcoreapp3.1) (== netstandard2.0) (&& (== xamarinmac) (< netstandard1.3))
      System.Runtime (>= 4.3) - restriction: || (&& (== net472) (== xamarinmac)) (&& (== net472) (< net45)) (&& (== net48) (== xamarinmac)) (&& (== net48) (< net45)) (== net5.0-windows7.0) (== netcoreapp3.1) (== netstandard2.0) (&& (== xamarinmac) (< netstandard1.3))
    System.Globalization.Calendars (4.3) - restriction: || (&& (== net472) (== xamarinmac)) (&& (== net472) (< net45)) (&& (== net48) (== xamarinmac)) (&& (== net48) (< net45)) (== net5.0-windows7.0) (== netcoreapp3.1) (== netstandard2.0)
      Microsoft.NETCore.Platforms (>= 1.1) - restriction: || (&& (== net472) (== xamarinmac)) (&& (== net472) (< net46)) (&& (== net48) (== xamarinmac)) (&& (== net48) (< net46)) (== net5.0-windows7.0) (== netcoreapp3.1) (== netstandard2.0)
      Microsoft.NETCore.Targets (>= 1.1) - restriction: || (&& (== net472) (== xamarinmac)) (&& (== net472) (< net46)) (&& (== net48) (== xamarinmac)) (&& (== net48) (< net46)) (== net5.0-windows7.0) (== netcoreapp3.1) (== netstandard2.0)
      System.Globalization (>= 4.3) - restriction: || (&& (== net472) (== xamarinmac)) (&& (== net472) (< net46)) (&& (== net48) (== xamarinmac)) (&& (== net48) (< net46)) (== net5.0-windows7.0) (== netcoreapp3.1) (== netstandard2.0)
      System.Runtime (>= 4.3) - restriction: || (&& (== net472) (== xamarinmac)) (&& (== net472) (< net46)) (&& (== net48) (== xamarinmac)) (&& (== net48) (< net46)) (== net5.0-windows7.0) (== netcoreapp3.1) (== netstandard2.0)
    System.Globalization.Extensions (4.3) - restriction: || (&& (== net472) (== xamarinmac)) (&& (== net472) (< net45)) (&& (== net48) (== xamarinmac)) (&& (== net48) (< net45)) (== net5.0-windows7.0) (== netcoreapp3.1) (== netstandard2.0)
      Microsoft.NETCore.Platforms (>= 1.1) - restriction: || (&& (== net472) (== xamarinmac)) (&& (== net472) (< net46)) (&& (== net48) (== xamarinmac)) (&& (== net48) (< net46)) (== net5.0-windows7.0) (== netcoreapp3.1) (== netstandard2.0)
      System.Globalization (>= 4.3) - restriction: || (&& (== net472) (== xamarinmac)) (&& (== net472) (< net46)) (&& (== net48) (== xamarinmac)) (&& (== net48) (< net46)) (== net5.0-windows7.0) (== netcoreapp3.1) (== netstandard2.0)
      System.Resources.ResourceManager (>= 4.3) - restriction: || (&& (== net472) (== xamarinmac)) (&& (== net472) (< net46)) (&& (== net48) (== xamarinmac)) (&& (== net48) (< net46)) (== net5.0-windows7.0) (== netcoreapp3.1) (== netstandard2.0)
      System.Runtime (>= 4.3) - restriction: || (&& (== net472) (== xamarinmac)) (&& (== net472) (< net46)) (&& (== net48) (== xamarinmac)) (&& (== net48) (< net46)) (== net5.0-windows7.0) (== netcoreapp3.1) (== netstandard2.0)
      System.Runtime.Extensions (>= 4.3) - restriction: || (&& (== net472) (== xamarinmac)) (&& (== net472) (< net46)) (&& (== net48) (== xamarinmac)) (&& (== net48) (< net46)) (== net5.0-windows7.0) (== netcoreapp3.1) (== netstandard2.0)
      System.Runtime.InteropServices (>= 4.3) - restriction: || (&& (== net472) (== xamarinmac)) (&& (== net472) (< net46)) (&& (== net48) (== xamarinmac)) (&& (== net48) (< net46)) (== net5.0-windows7.0) (== netcoreapp3.1) (== netstandard2.0)
    System.IO (4.3) - restriction: || (&& (== net472) (< net45)) (&& (== net48) (< net45)) (== net5.0-windows7.0) (== netcoreapp3.1) (== netstandard2.0) (== xamarinmac)
      Microsoft.NETCore.Platforms (>= 1.1) - restriction: || (&& (== net472) (== xamarinmac)) (&& (== net472) (< net45)) (&& (== net48) (== xamarinmac)) (&& (== net48) (< net45)) (== net5.0-windows7.0) (== netcoreapp3.1) (== netstandard2.0) (&& (== xamarinmac) (< netstandard1.3)) (&& (== xamarinmac) (< netstandard1.5))
      Microsoft.NETCore.Targets (>= 1.1) - restriction: || (&& (== net472) (== xamarinmac)) (&& (== net472) (< net45)) (&& (== net48) (== xamarinmac)) (&& (== net48) (< net45)) (== net5.0-windows7.0) (== netcoreapp3.1) (== netstandard2.0) (&& (== xamarinmac) (< netstandard1.3)) (&& (== xamarinmac) (< netstandard1.5))
      System.Runtime (>= 4.3) - restriction: || (&& (== net472) (== xamarinmac)) (&& (== net472) (< net45)) (&& (== net48) (== xamarinmac)) (&& (== net48) (< net45)) (== net5.0-windows7.0) (== netcoreapp3.1) (== netstandard2.0) (&& (== xamarinmac) (< netstandard1.3)) (&& (== xamarinmac) (< netstandard1.5))
      System.Text.Encoding (>= 4.3) - restriction: || (&& (== net472) (== xamarinmac)) (&& (== net472) (< net45)) (&& (== net48) (== xamarinmac)) (&& (== net48) (< net45)) (== net5.0-windows7.0) (== netcoreapp3.1) (== netstandard2.0) (&& (== xamarinmac) (< netstandard1.3)) (&& (== xamarinmac) (< netstandard1.5))
      System.Threading.Tasks (>= 4.3) - restriction: || (&& (== net472) (== xamarinmac)) (&& (== net472) (< net45)) (&& (== net48) (== xamarinmac)) (&& (== net48) (< net45)) (== net5.0-windows7.0) (== netcoreapp3.1) (== netstandard2.0) (&& (== xamarinmac) (< netstandard1.3)) (&& (== xamarinmac) (< netstandard1.5))
    System.IO.FileSystem (4.3) - restriction: || (&& (== net472) (== xamarinmac)) (&& (== net472) (< net45)) (&& (== net48) (== xamarinmac)) (&& (== net48) (< net45)) (== net5.0-windows7.0) (== netcoreapp3.1) (== netstandard2.0)
      Microsoft.NETCore.Platforms (>= 1.1) - restriction: || (&& (== net472) (== xamarinmac)) (&& (== net472) (< net46)) (&& (== net48) (== xamarinmac)) (&& (== net48) (< net46)) (== net5.0-windows7.0) (== netcoreapp3.1) (== netstandard2.0)
      Microsoft.NETCore.Targets (>= 1.1) - restriction: || (&& (== net472) (== xamarinmac)) (&& (== net472) (< net46)) (&& (== net48) (== xamarinmac)) (&& (== net48) (< net46)) (== net5.0-windows7.0) (== netcoreapp3.1) (== netstandard2.0)
      System.IO (>= 4.3) - restriction: || (&& (== net472) (== xamarinmac)) (&& (== net472) (< net46)) (&& (== net48) (== xamarinmac)) (&& (== net48) (< net46)) (== net5.0-windows7.0) (== netcoreapp3.1) (== netstandard2.0)
      System.IO.FileSystem.Primitives (>= 4.3) - restriction: || (== net472) (== net48) (== net5.0-windows7.0) (== netcoreapp3.1) (== netstandard2.0) (&& (== xamarinmac) (>= net46))
      System.Runtime (>= 4.3) - restriction: || (&& (== net472) (== xamarinmac)) (&& (== net472) (< net46)) (&& (== net48) (== xamarinmac)) (&& (== net48) (< net46)) (== net5.0-windows7.0) (== netcoreapp3.1) (== netstandard2.0)
      System.Runtime.Handles (>= 4.3) - restriction: || (&& (== net472) (== xamarinmac)) (&& (== net472) (< net46)) (&& (== net48) (== xamarinmac)) (&& (== net48) (< net46)) (== net5.0-windows7.0) (== netcoreapp3.1) (== netstandard2.0)
      System.Text.Encoding (>= 4.3) - restriction: || (&& (== net472) (== xamarinmac)) (&& (== net472) (< net46)) (&& (== net48) (== xamarinmac)) (&& (== net48) (< net46)) (== net5.0-windows7.0) (== netcoreapp3.1) (== netstandard2.0)
      System.Threading.Tasks (>= 4.3) - restriction: || (&& (== net472) (== xamarinmac)) (&& (== net472) (< net46)) (&& (== net48) (== xamarinmac)) (&& (== net48) (< net46)) (== net5.0-windows7.0) (== netcoreapp3.1) (== netstandard2.0)
    System.IO.FileSystem.Primitives (4.3) - restriction: || (&& (== net472) (== xamarinmac)) (&& (== net472) (< net45)) (&& (== net48) (== xamarinmac)) (&& (== net48) (< net45)) (== net5.0-windows7.0) (== netcoreapp3.1) (== netstandard2.0)
      System.Runtime (>= 4.3) - restriction: || (&& (== net472) (== xamarinmac)) (&& (== net472) (< net46)) (&& (== net48) (== xamarinmac)) (&& (== net48) (< net46)) (== net5.0-windows7.0) (== netcoreapp3.1) (== netstandard2.0)
    System.Linq (4.3) - restriction: || (&& (== net472) (< net45)) (&& (== net48) (< net45)) (== net5.0-windows7.0) (== netcoreapp3.1) (== netstandard2.0) (== xamarinmac)
      System.Collections (>= 4.3) - restriction: || (&& (== net472) (== xamarinmac)) (&& (== net472) (< net45)) (&& (== net48) (== xamarinmac)) (&& (== net48) (< net45)) (== net5.0-windows7.0) (== netcoreapp3.1) (== netstandard2.0) (&& (== xamarinmac) (< netstandard1.6))
      System.Diagnostics.Debug (>= 4.3) - restriction: || (&& (== net472) (== xamarinmac)) (&& (== net472) (< net45)) (&& (== net48) (== xamarinmac)) (&& (== net48) (< net45)) (== net5.0-windows7.0) (== netcoreapp3.1) (== netstandard2.0)
      System.Resources.ResourceManager (>= 4.3) - restriction: || (&& (== net472) (== xamarinmac)) (&& (== net472) (< net45)) (&& (== net48) (== xamarinmac)) (&& (== net48) (< net45)) (== net5.0-windows7.0) (== netcoreapp3.1) (== netstandard2.0)
      System.Runtime (>= 4.3) - restriction: || (&& (== net472) (== xamarinmac)) (&& (== net472) (< net45)) (&& (== net48) (== xamarinmac)) (&& (== net48) (< net45)) (== net5.0-windows7.0) (== netcoreapp3.1) (== netstandard2.0) (&& (== xamarinmac) (< netstandard1.6))
      System.Runtime.Extensions (>= 4.3) - restriction: || (&& (== net472) (== xamarinmac)) (&& (== net472) (< net45)) (&& (== net48) (== xamarinmac)) (&& (== net48) (< net45)) (== net5.0-windows7.0) (== netcoreapp3.1) (== netstandard2.0)
    System.Linq.Expressions (4.3) - restriction: || (&& (== net472) (< net45)) (&& (== net48) (< net45)) (== net5.0-windows7.0) (== netcoreapp3.1) (== netstandard2.0) (== xamarinmac)
      System.Collections (>= 4.3) - restriction: || (&& (== net472) (== xamarinmac)) (&& (== net472) (< net45)) (&& (== net48) (== xamarinmac)) (&& (== net48) (< net45)) (== net5.0-windows7.0) (== netcoreapp3.1) (== netstandard2.0)
      System.Diagnostics.Debug (>= 4.3) - restriction: || (&& (== net472) (== xamarinmac)) (&& (== net472) (< net45)) (&& (== net48) (== xamarinmac)) (&& (== net48) (< net45)) (== net5.0-windows7.0) (== netcoreapp3.1) (== netstandard2.0)
      System.Globalization (>= 4.3) - restriction: || (&& (== net472) (== xamarinmac)) (&& (== net472) (< net45)) (&& (== net48) (== xamarinmac)) (&& (== net48) (< net45)) (== net5.0-windows7.0) (== netcoreapp3.1) (== netstandard2.0)
      System.IO (>= 4.3) - restriction: || (&& (== net472) (== xamarinmac)) (&& (== net472) (< net45)) (&& (== net48) (== xamarinmac)) (&& (== net48) (< net45)) (== net5.0-windows7.0) (== netcoreapp3.1) (== netstandard2.0)
      System.Linq (>= 4.3) - restriction: || (&& (== net472) (== xamarinmac)) (&& (== net472) (< net45)) (&& (== net48) (== xamarinmac)) (&& (== net48) (< net45)) (== net5.0-windows7.0) (== netcoreapp3.1) (== netstandard2.0)
      System.ObjectModel (>= 4.3) - restriction: || (&& (== net472) (== xamarinmac)) (&& (== net472) (< net45)) (&& (== net48) (== xamarinmac)) (&& (== net48) (< net45)) (== net5.0-windows7.0) (== netcoreapp3.1) (== netstandard2.0)
      System.Reflection (>= 4.3) - restriction: || (&& (== net472) (== xamarinmac)) (&& (== net472) (< net45)) (&& (== net48) (== xamarinmac)) (&& (== net48) (< net45)) (== net5.0-windows7.0) (== netcoreapp3.1) (== netstandard2.0) (&& (== xamarinmac) (< netstandard1.3)) (&& (== xamarinmac) (< netstandard1.6))
      System.Reflection.Emit (>= 4.3) - restriction: || (&& (== net472) (== xamarinmac)) (&& (== net472) (< net45)) (&& (== net48) (== xamarinmac)) (&& (== net48) (< net45)) (== net5.0-windows7.0) (== netcoreapp3.1) (== netstandard2.0)
      System.Reflection.Emit.ILGeneration (>= 4.3) - restriction: || (&& (== net472) (== xamarinmac)) (&& (== net472) (< net45)) (&& (== net48) (== xamarinmac)) (&& (== net48) (< net45)) (== net5.0-windows7.0) (== netcoreapp3.1) (== netstandard2.0)
      System.Reflection.Emit.Lightweight (>= 4.3) - restriction: || (&& (== net472) (== xamarinmac)) (&& (== net472) (< net45)) (&& (== net48) (== xamarinmac)) (&& (== net48) (< net45)) (== net5.0-windows7.0) (== netcoreapp3.1) (== netstandard2.0)
      System.Reflection.Extensions (>= 4.3) - restriction: || (&& (== net472) (== xamarinmac)) (&& (== net472) (< net45)) (&& (== net48) (== xamarinmac)) (&& (== net48) (< net45)) (== net5.0-windows7.0) (== netcoreapp3.1) (== netstandard2.0)
      System.Reflection.Primitives (>= 4.3) - restriction: || (&& (== net472) (== xamarinmac)) (&& (== net472) (< net45)) (&& (== net48) (== xamarinmac)) (&& (== net48) (< net45)) (== net5.0-windows7.0) (== netcoreapp3.1) (== netstandard2.0)
      System.Reflection.TypeExtensions (>= 4.3) - restriction: || (&& (== net472) (== xamarinmac)) (&& (== net472) (< net45)) (&& (== net48) (== xamarinmac)) (&& (== net48) (< net45)) (== net5.0-windows7.0) (== netcoreapp3.1) (== netstandard2.0)
      System.Resources.ResourceManager (>= 4.3) - restriction: || (&& (== net472) (== xamarinmac)) (&& (== net472) (< net45)) (&& (== net48) (== xamarinmac)) (&& (== net48) (< net45)) (== net5.0-windows7.0) (== netcoreapp3.1) (== netstandard2.0)
      System.Runtime (>= 4.3) - restriction: || (&& (== net472) (== xamarinmac)) (&& (== net472) (< net45)) (&& (== net48) (== xamarinmac)) (&& (== net48) (< net45)) (== net5.0-windows7.0) (== netcoreapp3.1) (== netstandard2.0) (&& (== xamarinmac) (< netstandard1.3)) (&& (== xamarinmac) (< netstandard1.6))
      System.Runtime.Extensions (>= 4.3) - restriction: || (&& (== net472) (== xamarinmac)) (&& (== net472) (< net45)) (&& (== net48) (== xamarinmac)) (&& (== net48) (< net45)) (== net5.0-windows7.0) (== netcoreapp3.1) (== netstandard2.0)
      System.Threading (>= 4.3) - restriction: || (&& (== net472) (== xamarinmac)) (&& (== net472) (< net45)) (&& (== net48) (== xamarinmac)) (&& (== net48) (< net45)) (== net5.0-windows7.0) (== netcoreapp3.1) (== netstandard2.0)
    System.Linq.Queryable (4.3) - restriction: || (&& (== net472) (< net45)) (&& (== net48) (< net45)) (== net5.0-windows7.0) (== netcoreapp3.1) (== netstandard2.0) (== xamarinmac)
      System.Collections (>= 4.3) - restriction: || (&& (== net472) (== xamarinmac)) (&& (== net472) (< net45)) (&& (== net48) (== xamarinmac)) (&& (== net48) (< net45)) (== net5.0-windows7.0) (== netcoreapp3.1) (== netstandard2.0)
      System.Diagnostics.Debug (>= 4.3) - restriction: || (&& (== net472) (== xamarinmac)) (&& (== net472) (< net45)) (&& (== net48) (== xamarinmac)) (&& (== net48) (< net45)) (== net5.0-windows7.0) (== netcoreapp3.1) (== netstandard2.0)
      System.Linq (>= 4.3) - restriction: || (&& (== net472) (== xamarinmac)) (&& (== net472) (< net45)) (&& (== net48) (== xamarinmac)) (&& (== net48) (< net45)) (== net5.0-windows7.0) (== netcoreapp3.1) (== netstandard2.0) (&& (== xamarinmac) (< netstandard1.3))
      System.Linq.Expressions (>= 4.3) - restriction: || (&& (== net472) (== xamarinmac)) (&& (== net472) (< net45)) (&& (== net48) (== xamarinmac)) (&& (== net48) (< net45)) (== net5.0-windows7.0) (== netcoreapp3.1) (== netstandard2.0) (&& (== xamarinmac) (< netstandard1.3))
      System.Reflection (>= 4.3) - restriction: || (&& (== net472) (== xamarinmac)) (&& (== net472) (< net45)) (&& (== net48) (== xamarinmac)) (&& (== net48) (< net45)) (== net5.0-windows7.0) (== netcoreapp3.1) (== netstandard2.0)
      System.Reflection.Extensions (>= 4.3) - restriction: || (&& (== net472) (== xamarinmac)) (&& (== net472) (< net45)) (&& (== net48) (== xamarinmac)) (&& (== net48) (< net45)) (== net5.0-windows7.0) (== netcoreapp3.1) (== netstandard2.0)
      System.Resources.ResourceManager (>= 4.3) - restriction: || (&& (== net472) (== xamarinmac)) (&& (== net472) (< net45)) (&& (== net48) (== xamarinmac)) (&& (== net48) (< net45)) (== net5.0-windows7.0) (== netcoreapp3.1) (== netstandard2.0)
      System.Runtime (>= 4.3) - restriction: || (&& (== net472) (== xamarinmac)) (&& (== net472) (< net45)) (&& (== net48) (== xamarinmac)) (&& (== net48) (< net45)) (== net5.0-windows7.0) (== netcoreapp3.1) (== netstandard2.0) (&& (== xamarinmac) (< netstandard1.3))
    System.Memory (4.5.4)
      System.Buffers (>= 4.5.1) - restriction: || (== net472) (== net48) (&& (== net5.0-windows7.0) (>= monotouch)) (&& (== net5.0-windows7.0) (>= net461)) (&& (== net5.0-windows7.0) (< netcoreapp2.0)) (&& (== net5.0-windows7.0) (< netstandard1.1)) (&& (== net5.0-windows7.0) (< netstandard2.0)) (&& (== net5.0-windows7.0) (>= xamarinios)) (&& (== net5.0-windows7.0) (>= xamarinmac)) (&& (== net5.0-windows7.0) (>= xamarintvos)) (&& (== net5.0-windows7.0) (>= xamarinwatchos)) (&& (== netcoreapp3.1) (>= monotouch)) (&& (== netcoreapp3.1) (>= net461)) (&& (== netcoreapp3.1) (< netcoreapp2.0)) (&& (== netcoreapp3.1) (< netstandard1.1)) (&& (== netcoreapp3.1) (< netstandard2.0)) (&& (== netcoreapp3.1) (>= xamarinios)) (&& (== netcoreapp3.1) (>= xamarinmac)) (&& (== netcoreapp3.1) (>= xamarintvos)) (&& (== netcoreapp3.1) (>= xamarinwatchos)) (== netstandard2.0) (== xamarinmac)
      System.Numerics.Vectors (>= 4.4) - restriction: || (&& (== net472) (== net5.0-windows7.0)) (&& (== net472) (== netcoreapp3.1)) (&& (== net472) (== xamarinmac)) (&& (== net472) (< net45)) (&& (== net48) (== net5.0-windows7.0)) (&& (== net48) (== netcoreapp3.1)) (&& (== net48) (== xamarinmac)) (&& (== net48) (< net45)) (&& (== net5.0-windows7.0) (== xamarinmac)) (&& (== net5.0-windows7.0) (< netcoreapp2.0)) (&& (== netcoreapp3.1) (== xamarinmac)) (&& (== netcoreapp3.1) (< netcoreapp2.0)) (== netstandard2.0)
      System.Numerics.Vectors (>= 4.5) - restriction: || (== net472) (== net48) (&& (== net5.0-windows7.0) (>= net461)) (&& (== netcoreapp3.1) (>= net461)) (&& (== netstandard2.0) (>= net461)) (&& (== xamarinmac) (>= net461))
      System.Runtime.CompilerServices.Unsafe (>= 4.5.3) - restriction: || (== net472) (== net48) (&& (== net5.0-windows7.0) (>= monotouch)) (&& (== net5.0-windows7.0) (>= net461)) (&& (== net5.0-windows7.0) (< netcoreapp2.0)) (&& (== net5.0-windows7.0) (< netcoreapp2.1)) (&& (== net5.0-windows7.0) (< netstandard1.1)) (&& (== net5.0-windows7.0) (< netstandard2.0)) (&& (== net5.0-windows7.0) (>= uap10.1)) (&& (== net5.0-windows7.0) (>= xamarinios)) (&& (== net5.0-windows7.0) (>= xamarinmac)) (&& (== net5.0-windows7.0) (>= xamarintvos)) (&& (== net5.0-windows7.0) (>= xamarinwatchos)) (&& (== netcoreapp3.1) (>= monotouch)) (&& (== netcoreapp3.1) (>= net461)) (&& (== netcoreapp3.1) (< netcoreapp2.0)) (&& (== netcoreapp3.1) (< netcoreapp2.1)) (&& (== netcoreapp3.1) (< netstandard1.1)) (&& (== netcoreapp3.1) (< netstandard2.0)) (&& (== netcoreapp3.1) (>= uap10.1)) (&& (== netcoreapp3.1) (>= xamarinios)) (&& (== netcoreapp3.1) (>= xamarinmac)) (&& (== netcoreapp3.1) (>= xamarintvos)) (&& (== netcoreapp3.1) (>= xamarinwatchos)) (== netstandard2.0) (== xamarinmac)
    System.Net.Http (4.3.4) - restriction: || (&& (== net472) (== xamarinmac)) (&& (== net472) (< net45)) (&& (== net48) (== xamarinmac)) (&& (== net48) (< net45)) (== net5.0-windows7.0) (== netcoreapp3.1) (== netstandard2.0)
      Microsoft.NETCore.Platforms (>= 1.1.1) - restriction: || (&& (== net472) (== xamarinmac)) (&& (== net472) (< net45)) (&& (== net48) (== xamarinmac)) (&& (== net48) (< net45)) (== net5.0-windows7.0) (== netcoreapp3.1) (== netstandard2.0) (&& (== xamarinmac) (< netstandard1.6))
      runtime.native.System (>= 4.3) - restriction: || (&& (== net472) (== xamarinmac)) (&& (== net472) (< net45)) (&& (== net48) (== xamarinmac)) (&& (== net48) (< net45)) (== net5.0-windows7.0) (== netcoreapp3.1) (== netstandard2.0)
      runtime.native.System.Net.Http (>= 4.3) - restriction: || (&& (== net472) (== xamarinmac)) (&& (== net472) (< net45)) (&& (== net48) (== xamarinmac)) (&& (== net48) (< net45)) (== net5.0-windows7.0) (== netcoreapp3.1) (== netstandard2.0)
      runtime.native.System.Security.Cryptography.OpenSsl (>= 4.3.2) - restriction: || (&& (== net472) (== xamarinmac)) (&& (== net472) (< net45)) (&& (== net48) (== xamarinmac)) (&& (== net48) (< net45)) (== net5.0-windows7.0) (== netcoreapp3.1) (== netstandard2.0)
      System.Collections (>= 4.3) - restriction: || (&& (== net472) (== xamarinmac)) (&& (== net472) (< net45)) (&& (== net48) (== xamarinmac)) (&& (== net48) (< net45)) (== net5.0-windows7.0) (== netcoreapp3.1) (== netstandard2.0) (&& (== xamarinmac) (< netstandard1.6))
      System.Diagnostics.Debug (>= 4.3) - restriction: || (&& (== net472) (== xamarinmac)) (&& (== net472) (< net45)) (&& (== net48) (== xamarinmac)) (&& (== net48) (< net45)) (== net5.0-windows7.0) (== netcoreapp3.1) (== netstandard2.0) (&& (== xamarinmac) (< netstandard1.6))
      System.Diagnostics.DiagnosticSource (>= 4.3) - restriction: || (&& (== net472) (== xamarinmac)) (&& (== net472) (< net45)) (&& (== net48) (== xamarinmac)) (&& (== net48) (< net45)) (== net5.0-windows7.0) (== netcoreapp3.1) (== netstandard2.0) (&& (== xamarinmac) (< netstandard1.6))
      System.Diagnostics.Tracing (>= 4.3) - restriction: || (&& (== net472) (== xamarinmac)) (&& (== net472) (< net45)) (&& (== net48) (== xamarinmac)) (&& (== net48) (< net45)) (== net5.0-windows7.0) (== netcoreapp3.1) (== netstandard2.0) (&& (== xamarinmac) (< netstandard1.6))
      System.Globalization (>= 4.3) - restriction: || (&& (== net472) (== xamarinmac)) (&& (== net472) (< net45)) (&& (== net48) (== xamarinmac)) (&& (== net48) (< net45)) (== net5.0-windows7.0) (== netcoreapp3.1) (== netstandard2.0) (&& (== xamarinmac) (< netstandard1.6))
      System.Globalization.Extensions (>= 4.3) - restriction: || (&& (== net472) (== xamarinmac)) (&& (== net472) (< net45)) (&& (== net48) (== xamarinmac)) (&& (== net48) (< net45)) (== net5.0-windows7.0) (== netcoreapp3.1) (== netstandard2.0)
      System.IO (>= 4.3) - restriction: || (&& (== net472) (== xamarinmac)) (&& (== net472) (< net45)) (&& (== net48) (== xamarinmac)) (&& (== net48) (< net45)) (== net5.0-windows7.0) (== netcoreapp3.1) (== netstandard2.0) (&& (== xamarinmac) (< netstandard1.3)) (&& (== xamarinmac) (< netstandard1.6))
      System.IO.FileSystem (>= 4.3) - restriction: || (&& (== net472) (== xamarinmac)) (&& (== net472) (< net45)) (&& (== net48) (== xamarinmac)) (&& (== net48) (< net45)) (== net5.0-windows7.0) (== netcoreapp3.1) (== netstandard2.0)
      System.Net.Primitives (>= 4.3) - restriction: || (&& (== net472) (== xamarinmac)) (&& (== net472) (< net45)) (&& (== net48) (== xamarinmac)) (&& (== net48) (< net45)) (== net5.0-windows7.0) (== netcoreapp3.1) (== netstandard2.0) (&& (== xamarinmac) (< netstandard1.3)) (&& (== xamarinmac) (< netstandard1.6))
      System.Resources.ResourceManager (>= 4.3) - restriction: || (&& (== net472) (== xamarinmac)) (&& (== net472) (< net45)) (&& (== net48) (== xamarinmac)) (&& (== net48) (< net45)) (== net5.0-windows7.0) (== netcoreapp3.1) (== netstandard2.0) (&& (== xamarinmac) (< netstandard1.6))
      System.Runtime (>= 4.3) - restriction: || (&& (== net472) (== xamarinmac)) (&& (== net472) (< net45)) (&& (== net48) (== xamarinmac)) (&& (== net48) (< net45)) (== net5.0-windows7.0) (== netcoreapp3.1) (== netstandard2.0) (&& (== xamarinmac) (< netstandard1.3)) (&& (== xamarinmac) (< netstandard1.6))
      System.Runtime.Extensions (>= 4.3) - restriction: || (&& (== net472) (== xamarinmac)) (&& (== net472) (< net45)) (&& (== net48) (== xamarinmac)) (&& (== net48) (< net45)) (== net5.0-windows7.0) (== netcoreapp3.1) (== netstandard2.0) (&& (== xamarinmac) (< netstandard1.6))
      System.Runtime.Handles (>= 4.3) - restriction: || (&& (== net472) (== xamarinmac)) (&& (== net472) (< net45)) (&& (== net48) (== xamarinmac)) (&& (== net48) (< net45)) (== net5.0-windows7.0) (== netcoreapp3.1) (== netstandard2.0) (&& (== xamarinmac) (< netstandard1.6))
      System.Runtime.InteropServices (>= 4.3) - restriction: || (&& (== net472) (== xamarinmac)) (&& (== net472) (< net45)) (&& (== net48) (== xamarinmac)) (&& (== net48) (< net45)) (== net5.0-windows7.0) (== netcoreapp3.1) (== netstandard2.0) (&& (== xamarinmac) (< netstandard1.6))
      System.Security.Cryptography.Algorithms (>= 4.3) - restriction: || (&& (== net472) (== xamarinmac)) (&& (== net472) (< net45)) (&& (== net48) (== xamarinmac)) (&& (== net48) (< net45)) (== net5.0-windows7.0) (== netcoreapp3.1) (== netstandard2.0)
      System.Security.Cryptography.Encoding (>= 4.3) - restriction: || (&& (== net472) (== xamarinmac)) (&& (== net472) (< net45)) (&& (== net48) (== xamarinmac)) (&& (== net48) (< net45)) (== net5.0-windows7.0) (== netcoreapp3.1) (== netstandard2.0) (&& (== xamarinmac) (< netstandard1.6))
      System.Security.Cryptography.OpenSsl (>= 4.3) - restriction: || (&& (== net472) (== xamarinmac)) (&& (== net472) (< net45)) (&& (== net48) (== xamarinmac)) (&& (== net48) (< net45)) (== net5.0-windows7.0) (== netcoreapp3.1) (== netstandard2.0)
      System.Security.Cryptography.Primitives (>= 4.3) - restriction: || (&& (== net472) (== xamarinmac)) (&& (== net472) (< net45)) (&& (== net48) (== xamarinmac)) (&& (== net48) (< net45)) (== net5.0-windows7.0) (== netcoreapp3.1) (== netstandard2.0)
      System.Security.Cryptography.X509Certificates (>= 4.3) - restriction: || (== net472) (== net48) (== net5.0-windows7.0) (== netcoreapp3.1) (== netstandard2.0) (&& (== xamarinmac) (>= net46)) (&& (== xamarinmac) (< netstandard1.6))
      System.Text.Encoding (>= 4.3) - restriction: || (&& (== net472) (== xamarinmac)) (&& (== net472) (< net45)) (&& (== net48) (== xamarinmac)) (&& (== net48) (< net45)) (== net5.0-windows7.0) (== netcoreapp3.1) (== netstandard2.0) (&& (== xamarinmac) (< netstandard1.3)) (&& (== xamarinmac) (< netstandard1.6))
      System.Threading (>= 4.3) - restriction: || (&& (== net472) (== xamarinmac)) (&& (== net472) (< net45)) (&& (== net48) (== xamarinmac)) (&& (== net48) (< net45)) (== net5.0-windows7.0) (== netcoreapp3.1) (== netstandard2.0) (&& (== xamarinmac) (< netstandard1.6))
      System.Threading.Tasks (>= 4.3) - restriction: || (&& (== net472) (== xamarinmac)) (&& (== net472) (< net45)) (&& (== net48) (== xamarinmac)) (&& (== net48) (< net45)) (== net5.0-windows7.0) (== netcoreapp3.1) (== netstandard2.0) (&& (== xamarinmac) (< netstandard1.3)) (&& (== xamarinmac) (< netstandard1.6))
    System.Net.Primitives (4.3.1) - restriction: || (&& (== net472) (== xamarinmac)) (&& (== net472) (< net45)) (&& (== net472) (< netstandard1.1)) (&& (== net48) (== xamarinmac)) (&& (== net48) (< net45)) (&& (== net48) (< netstandard1.1)) (== net5.0-windows7.0) (== netcoreapp3.1) (== netstandard2.0) (&& (== xamarinmac) (< netstandard1.1)) (&& (== xamarinmac) (< netstandard1.3))
      Microsoft.NETCore.Platforms (>= 1.1.1) - restriction: || (&& (== net472) (== xamarinmac)) (&& (== net472) (< net45)) (&& (== net472) (< netstandard1.1)) (&& (== net48) (== xamarinmac)) (&& (== net48) (< net45)) (&& (== net48) (< netstandard1.1)) (== net5.0-windows7.0) (== netcoreapp3.1) (== netstandard2.0) (&& (== xamarinmac) (< netstandard1.1)) (&& (== xamarinmac) (< netstandard1.3))
      Microsoft.NETCore.Targets (>= 1.1.3) - restriction: || (&& (== net472) (== xamarinmac)) (&& (== net472) (< net45)) (&& (== net472) (< netstandard1.1)) (&& (== net48) (== xamarinmac)) (&& (== net48) (< net45)) (&& (== net48) (< netstandard1.1)) (== net5.0-windows7.0) (== netcoreapp3.1) (== netstandard2.0) (&& (== xamarinmac) (< netstandard1.1)) (&& (== xamarinmac) (< netstandard1.3))
      System.Runtime (>= 4.3.1) - restriction: || (&& (== net472) (== xamarinmac)) (&& (== net472) (< net45)) (&& (== net472) (< netstandard1.1)) (&& (== net48) (== xamarinmac)) (&& (== net48) (< net45)) (&& (== net48) (< netstandard1.1)) (== net5.0-windows7.0) (== netcoreapp3.1) (== netstandard2.0) (&& (== xamarinmac) (< netstandard1.1)) (&& (== xamarinmac) (< netstandard1.3))
      System.Runtime.Handles (>= 4.3) - restriction: || (&& (== net472) (== xamarinmac)) (&& (== net472) (< net45)) (&& (== net48) (== xamarinmac)) (&& (== net48) (< net45)) (== net5.0-windows7.0) (== netcoreapp3.1) (== netstandard2.0)
    System.Net.Requests (4.3) - restriction: || (&& (== net472) (< net45)) (&& (== net48) (< net45)) (== net5.0-windows7.0) (== netcoreapp3.1) (== netstandard2.0) (== xamarinmac)
      Microsoft.NETCore.Platforms (>= 1.1) - restriction: || (&& (== net472) (== xamarinmac)) (&& (== net472) (< net45)) (&& (== net48) (== xamarinmac)) (&& (== net48) (< net45)) (== net5.0-windows7.0) (== netcoreapp3.1) (== netstandard2.0)
      System.Collections (>= 4.3) - restriction: || (&& (== net472) (== xamarinmac)) (&& (== net472) (< net45)) (&& (== net48) (== xamarinmac)) (&& (== net48) (< net45)) (== net5.0-windows7.0) (== netcoreapp3.1) (== netstandard2.0)
      System.Diagnostics.Debug (>= 4.3) - restriction: || (&& (== net472) (== xamarinmac)) (&& (== net472) (< net45)) (&& (== net48) (== xamarinmac)) (&& (== net48) (< net45)) (== net5.0-windows7.0) (== netcoreapp3.1) (== netstandard2.0)
      System.Diagnostics.Tracing (>= 4.3) - restriction: || (&& (== net472) (== xamarinmac)) (&& (== net472) (< net45)) (&& (== net48) (== xamarinmac)) (&& (== net48) (< net45)) (== net5.0-windows7.0) (== netcoreapp3.1) (== netstandard2.0)
      System.Globalization (>= 4.3) - restriction: || (&& (== net472) (== xamarinmac)) (&& (== net472) (< net45)) (&& (== net48) (== xamarinmac)) (&& (== net48) (< net45)) (== net5.0-windows7.0) (== netcoreapp3.1) (== netstandard2.0)
      System.IO (>= 4.3) - restriction: || (&& (== net472) (== xamarinmac)) (&& (== net472) (< net45)) (&& (== net472) (< netstandard1.1)) (&& (== net48) (== xamarinmac)) (&& (== net48) (< net45)) (&& (== net48) (< netstandard1.1)) (== net5.0-windows7.0) (== netcoreapp3.1) (== netstandard2.0) (&& (== xamarinmac) (< netstandard1.1)) (&& (== xamarinmac) (< netstandard1.3))
      System.Net.Http (>= 4.3) - restriction: || (&& (== net472) (== xamarinmac)) (&& (== net472) (< net45)) (&& (== net48) (== xamarinmac)) (&& (== net48) (< net45)) (== net5.0-windows7.0) (== netcoreapp3.1) (== netstandard2.0)
      System.Net.Primitives (>= 4.3) - restriction: || (&& (== net472) (== xamarinmac)) (&& (== net472) (< net45)) (&& (== net472) (< netstandard1.1)) (&& (== net48) (== xamarinmac)) (&& (== net48) (< net45)) (&& (== net48) (< netstandard1.1)) (== net5.0-windows7.0) (== netcoreapp3.1) (== netstandard2.0) (&& (== xamarinmac) (< netstandard1.1)) (&& (== xamarinmac) (< netstandard1.3))
      System.Net.WebHeaderCollection (>= 4.3) - restriction: || (&& (== net472) (== xamarinmac)) (&& (== net472) (< net45)) (&& (== net48) (== xamarinmac)) (&& (== net48) (< net45)) (== net5.0-windows7.0) (== netcoreapp3.1) (== netstandard2.0)
      System.Resources.ResourceManager (>= 4.3) - restriction: || (&& (== net472) (== xamarinmac)) (&& (== net472) (< net45)) (&& (== net48) (== xamarinmac)) (&& (== net48) (< net45)) (== net5.0-windows7.0) (== netcoreapp3.1) (== netstandard2.0)
      System.Runtime (>= 4.3) - restriction: || (&& (== net472) (== xamarinmac)) (&& (== net472) (< net45)) (&& (== net472) (< netstandard1.1)) (&& (== net48) (== xamarinmac)) (&& (== net48) (< net45)) (&& (== net48) (< netstandard1.1)) (== net5.0-windows7.0) (== netcoreapp3.1) (== netstandard2.0) (&& (== xamarinmac) (< netstandard1.1)) (&& (== xamarinmac) (< netstandard1.3))
      System.Threading (>= 4.3) - restriction: || (&& (== net472) (== xamarinmac)) (&& (== net472) (< net45)) (&& (== net48) (== xamarinmac)) (&& (== net48) (< net45)) (== net5.0-windows7.0) (== netcoreapp3.1) (== netstandard2.0)
      System.Threading.Tasks (>= 4.3) - restriction: || (&& (== net472) (== xamarinmac)) (&& (== net472) (< net45)) (&& (== net48) (== xamarinmac)) (&& (== net48) (< net45)) (== net5.0-windows7.0) (== netcoreapp3.1) (== netstandard2.0) (&& (== xamarinmac) (< netstandard1.3))
    System.Net.WebHeaderCollection (4.3) - restriction: || (&& (== net472) (== xamarinmac)) (&& (== net472) (< net45)) (&& (== net48) (== xamarinmac)) (&& (== net48) (< net45)) (== net5.0-windows7.0) (== netcoreapp3.1) (== netstandard2.0)
      System.Collections (>= 4.3) - restriction: || (&& (== net472) (== xamarinmac)) (&& (== net472) (< net46)) (&& (== net48) (== xamarinmac)) (&& (== net48) (< net46)) (== net5.0-windows7.0) (== netcoreapp3.1) (== netstandard2.0)
      System.Resources.ResourceManager (>= 4.3) - restriction: || (&& (== net472) (== xamarinmac)) (&& (== net472) (< net46)) (&& (== net48) (== xamarinmac)) (&& (== net48) (< net46)) (== net5.0-windows7.0) (== netcoreapp3.1) (== netstandard2.0)
      System.Runtime (>= 4.3) - restriction: || (&& (== net472) (== xamarinmac)) (&& (== net472) (< net46)) (&& (== net48) (== xamarinmac)) (&& (== net48) (< net46)) (== net5.0-windows7.0) (== netcoreapp3.1) (== netstandard2.0)
      System.Runtime.Extensions (>= 4.3) - restriction: || (&& (== net472) (== xamarinmac)) (&& (== net472) (< net46)) (&& (== net48) (== xamarinmac)) (&& (== net48) (< net46)) (== net5.0-windows7.0) (== netcoreapp3.1) (== netstandard2.0)
    System.Numerics.Vectors (4.5) - restriction: || (== net472) (== net48) (&& (== net5.0-windows7.0) (== xamarinmac)) (&& (== net5.0-windows7.0) (>= net461)) (&& (== net5.0-windows7.0) (< netcoreapp2.0)) (&& (== netcoreapp3.1) (>= net461)) (== netstandard2.0) (&& (== xamarinmac) (>= net461))
    System.ObjectModel (4.3) - restriction: || (&& (== net472) (== xamarinmac)) (&& (== net472) (< net45)) (&& (== net48) (== xamarinmac)) (&& (== net48) (< net45)) (== net5.0-windows7.0) (== netcoreapp3.1) (== netstandard2.0)
      System.Collections (>= 4.3) - restriction: || (&& (== net472) (== xamarinmac)) (&& (== net472) (< net45)) (&& (== net48) (== xamarinmac)) (&& (== net48) (< net45)) (== net5.0-windows7.0) (== netcoreapp3.1) (== netstandard2.0)
      System.Diagnostics.Debug (>= 4.3) - restriction: || (&& (== net472) (== xamarinmac)) (&& (== net472) (< net45)) (&& (== net48) (== xamarinmac)) (&& (== net48) (< net45)) (== net5.0-windows7.0) (== netcoreapp3.1) (== netstandard2.0)
      System.Resources.ResourceManager (>= 4.3) - restriction: || (&& (== net472) (== xamarinmac)) (&& (== net472) (< net45)) (&& (== net48) (== xamarinmac)) (&& (== net48) (< net45)) (== net5.0-windows7.0) (== netcoreapp3.1) (== netstandard2.0)
      System.Runtime (>= 4.3) - restriction: || (&& (== net472) (== xamarinmac)) (&& (== net472) (< net45)) (&& (== net48) (== xamarinmac)) (&& (== net48) (< net45)) (== net5.0-windows7.0) (== netcoreapp3.1) (== netstandard2.0) (&& (== xamarinmac) (< netstandard1.3))
      System.Threading (>= 4.3) - restriction: || (&& (== net472) (== xamarinmac)) (&& (== net472) (< net45)) (&& (== net48) (== xamarinmac)) (&& (== net48) (< net45)) (== net5.0-windows7.0) (== netcoreapp3.1) (== netstandard2.0)
    System.Reflection (4.3) - restriction: || (&& (== net472) (< net45)) (&& (== net48) (< net45)) (== net5.0-windows7.0) (== netcoreapp3.1) (== netstandard2.0) (== xamarinmac)
      Microsoft.NETCore.Platforms (>= 1.1) - restriction: || (&& (== net472) (== xamarinmac)) (&& (== net472) (< net45)) (&& (== net48) (== xamarinmac)) (&& (== net48) (< net45)) (== net5.0-windows7.0) (== netcoreapp3.1) (== netstandard2.0) (&& (== xamarinmac) (< netstandard1.3)) (&& (== xamarinmac) (< netstandard1.5))
      Microsoft.NETCore.Targets (>= 1.1) - restriction: || (&& (== net472) (== xamarinmac)) (&& (== net472) (< net45)) (&& (== net48) (== xamarinmac)) (&& (== net48) (< net45)) (== net5.0-windows7.0) (== netcoreapp3.1) (== netstandard2.0) (&& (== xamarinmac) (< netstandard1.3)) (&& (== xamarinmac) (< netstandard1.5))
      System.IO (>= 4.3) - restriction: || (&& (== net472) (== xamarinmac)) (&& (== net472) (< net45)) (&& (== net48) (== xamarinmac)) (&& (== net48) (< net45)) (== net5.0-windows7.0) (== netcoreapp3.1) (== netstandard2.0) (&& (== xamarinmac) (< netstandard1.3)) (&& (== xamarinmac) (< netstandard1.5))
      System.Reflection.Primitives (>= 4.3) - restriction: || (&& (== net472) (== xamarinmac)) (&& (== net472) (< net45)) (&& (== net48) (== xamarinmac)) (&& (== net48) (< net45)) (== net5.0-windows7.0) (== netcoreapp3.1) (== netstandard2.0) (&& (== xamarinmac) (< netstandard1.3)) (&& (== xamarinmac) (< netstandard1.5))
      System.Runtime (>= 4.3) - restriction: || (&& (== net472) (== xamarinmac)) (&& (== net472) (< net45)) (&& (== net48) (== xamarinmac)) (&& (== net48) (< net45)) (== net5.0-windows7.0) (== netcoreapp3.1) (== netstandard2.0) (&& (== xamarinmac) (< netstandard1.3)) (&& (== xamarinmac) (< netstandard1.5))
    System.Reflection.Emit (4.7) - restriction: || (&& (== net472) (== xamarinmac)) (&& (== net472) (< net45)) (&& (== net48) (== xamarinmac)) (&& (== net48) (< net45)) (== net5.0-windows7.0) (== netcoreapp3.1) (== netstandard2.0)
      System.Reflection.Emit.ILGeneration (>= 4.7) - restriction: || (&& (== net472) (== net5.0-windows7.0)) (&& (== net472) (== netcoreapp3.1)) (&& (== net472) (== xamarinmac)) (&& (== net472) (< net45)) (&& (== net472) (< netstandard1.1)) (&& (== net472) (< netstandard2.0) (>= wpa81)) (&& (== net472) (>= uap10.1)) (&& (== net48) (== net5.0-windows7.0)) (&& (== net48) (== netcoreapp3.1)) (&& (== net48) (== xamarinmac)) (&& (== net48) (< net45)) (&& (== net48) (< netstandard1.1)) (&& (== net48) (< netstandard2.0) (>= wpa81)) (&& (== net48) (>= uap10.1)) (&& (== net5.0-windows7.0) (< netcoreapp2.0) (< netstandard2.1)) (&& (== net5.0-windows7.0) (< netstandard1.1)) (&& (== net5.0-windows7.0) (< netstandard2.0)) (&& (== net5.0-windows7.0) (>= uap10.1)) (&& (== netcoreapp3.1) (< netcoreapp2.0) (< netstandard2.1)) (&& (== netcoreapp3.1) (< netstandard1.1)) (&& (== netcoreapp3.1) (< netstandard2.0)) (&& (== netcoreapp3.1) (>= uap10.1)) (== netstandard2.0) (&& (== xamarinmac) (< netstandard1.1)) (&& (== xamarinmac) (< netstandard2.0)) (&& (== xamarinmac) (< netstandard2.1)) (&& (== xamarinmac) (>= uap10.1))
    System.Reflection.Emit.ILGeneration (4.7) - restriction: || (&& (== net472) (== xamarinmac)) (&& (== net472) (< net45)) (&& (== net472) (< netstandard1.1)) (&& (== net472) (< netstandard2.0) (>= wpa81)) (&& (== net472) (>= uap10.1)) (&& (== net48) (== xamarinmac)) (&& (== net48) (< net45)) (&& (== net48) (< netstandard1.1)) (&& (== net48) (< netstandard2.0) (>= wpa81)) (&& (== net48) (>= uap10.1)) (== net5.0-windows7.0) (== netcoreapp3.1) (== netstandard2.0)
    System.Reflection.Emit.Lightweight (4.7) - restriction: || (&& (== net472) (== xamarinmac)) (&& (== net472) (< net45)) (&& (== net48) (== xamarinmac)) (&& (== net48) (< net45)) (== net5.0-windows7.0) (== netcoreapp3.1) (== netstandard2.0)
      System.Reflection.Emit.ILGeneration (>= 4.7) - restriction: || (&& (== net472) (== net5.0-windows7.0)) (&& (== net472) (== netcoreapp3.1)) (&& (== net472) (== xamarinmac)) (&& (== net472) (< net45)) (&& (== net472) (< netstandard2.0) (>= wpa81)) (&& (== net472) (< portable-net45+wp8)) (&& (== net472) (>= uap10.1)) (&& (== net48) (== net5.0-windows7.0)) (&& (== net48) (== netcoreapp3.1)) (&& (== net48) (== xamarinmac)) (&& (== net48) (< net45)) (&& (== net48) (< netstandard2.0) (>= wpa81)) (&& (== net48) (< portable-net45+wp8)) (&& (== net48) (>= uap10.1)) (&& (== net5.0-windows7.0) (< netcoreapp2.0) (< netstandard2.1)) (&& (== net5.0-windows7.0) (< netstandard2.0)) (&& (== net5.0-windows7.0) (< portable-net45+wp8)) (&& (== net5.0-windows7.0) (>= uap10.1)) (&& (== netcoreapp3.1) (< netcoreapp2.0) (< netstandard2.1)) (&& (== netcoreapp3.1) (< netstandard2.0)) (&& (== netcoreapp3.1) (< portable-net45+wp8)) (&& (== netcoreapp3.1) (>= uap10.1)) (== netstandard2.0) (&& (== xamarinmac) (< netstandard2.0)) (&& (== xamarinmac) (< netstandard2.1)) (&& (== xamarinmac) (< portable-net45+wp8)) (&& (== xamarinmac) (>= uap10.1))
    System.Reflection.Extensions (4.3) - restriction: || (&& (== net472) (< net45)) (&& (== net48) (< net45)) (== net5.0-windows7.0) (== netcoreapp3.1) (== netstandard2.0) (== xamarinmac)
      Microsoft.NETCore.Platforms (>= 1.1) - restriction: || (&& (== net472) (== xamarinmac)) (&& (== net472) (< net45)) (&& (== net48) (== xamarinmac)) (&& (== net48) (< net45)) (== net5.0-windows7.0) (== netcoreapp3.1) (== netstandard2.0)
      Microsoft.NETCore.Targets (>= 1.1) - restriction: || (&& (== net472) (== xamarinmac)) (&& (== net472) (< net45)) (&& (== net48) (== xamarinmac)) (&& (== net48) (< net45)) (== net5.0-windows7.0) (== netcoreapp3.1) (== netstandard2.0)
      System.Reflection (>= 4.3) - restriction: || (&& (== net472) (== xamarinmac)) (&& (== net472) (< net45)) (&& (== net48) (== xamarinmac)) (&& (== net48) (< net45)) (== net5.0-windows7.0) (== netcoreapp3.1) (== netstandard2.0)
      System.Runtime (>= 4.3) - restriction: || (&& (== net472) (== xamarinmac)) (&& (== net472) (< net45)) (&& (== net48) (== xamarinmac)) (&& (== net48) (< net45)) (== net5.0-windows7.0) (== netcoreapp3.1) (== netstandard2.0)
    System.Reflection.Primitives (4.3) - restriction: || (&& (== net472) (== xamarinmac)) (&& (== net472) (< net45)) (&& (== net48) (== xamarinmac)) (&& (== net48) (< net45)) (== net5.0-windows7.0) (== netcoreapp3.1) (== netstandard2.0)
      Microsoft.NETCore.Platforms (>= 1.1) - restriction: || (&& (== net472) (== xamarinmac)) (&& (== net472) (< net45)) (&& (== net48) (== xamarinmac)) (&& (== net48) (< net45)) (== net5.0-windows7.0) (== netcoreapp3.1) (== netstandard2.0)
      Microsoft.NETCore.Targets (>= 1.1) - restriction: || (&& (== net472) (== xamarinmac)) (&& (== net472) (< net45)) (&& (== net48) (== xamarinmac)) (&& (== net48) (< net45)) (== net5.0-windows7.0) (== netcoreapp3.1) (== netstandard2.0)
      System.Runtime (>= 4.3) - restriction: || (&& (== net472) (== xamarinmac)) (&& (== net472) (< net45)) (&& (== net48) (== xamarinmac)) (&& (== net48) (< net45)) (== net5.0-windows7.0) (== netcoreapp3.1) (== netstandard2.0)
    System.Reflection.TypeExtensions (4.7) - restriction: || (&& (== net472) (== xamarinmac)) (&& (== net472) (< net45)) (&& (== net48) (== xamarinmac)) (&& (== net48) (< net45)) (== net5.0-windows7.0) (== netcoreapp3.1) (== netstandard2.0)
    System.Resources.ResourceManager (4.3) - restriction: || (&& (== net472) (< net45)) (&& (== net48) (< net45)) (== net5.0-windows7.0) (== netcoreapp3.1) (== netstandard2.0) (== xamarinmac)
      Microsoft.NETCore.Platforms (>= 1.1) - restriction: || (&& (== net472) (== xamarinmac)) (&& (== net472) (< net45)) (&& (== net48) (== xamarinmac)) (&& (== net48) (< net45)) (== net5.0-windows7.0) (== netcoreapp3.1) (== netstandard2.0)
      Microsoft.NETCore.Targets (>= 1.1) - restriction: || (&& (== net472) (== xamarinmac)) (&& (== net472) (< net45)) (&& (== net48) (== xamarinmac)) (&& (== net48) (< net45)) (== net5.0-windows7.0) (== netcoreapp3.1) (== netstandard2.0)
      System.Globalization (>= 4.3) - restriction: || (&& (== net472) (== xamarinmac)) (&& (== net472) (< net45)) (&& (== net48) (== xamarinmac)) (&& (== net48) (< net45)) (== net5.0-windows7.0) (== netcoreapp3.1) (== netstandard2.0)
      System.Reflection (>= 4.3) - restriction: || (&& (== net472) (== xamarinmac)) (&& (== net472) (< net45)) (&& (== net48) (== xamarinmac)) (&& (== net48) (< net45)) (== net5.0-windows7.0) (== netcoreapp3.1) (== netstandard2.0)
      System.Runtime (>= 4.3) - restriction: || (&& (== net472) (== xamarinmac)) (&& (== net472) (< net45)) (&& (== net48) (== xamarinmac)) (&& (== net48) (< net45)) (== net5.0-windows7.0) (== netcoreapp3.1) (== netstandard2.0)
    System.Runtime (4.3.1) - restriction: || (&& (== net472) (< net45)) (&& (== net48) (< net45)) (== net5.0-windows7.0) (== netcoreapp3.1) (== netstandard2.0) (== xamarinmac)
      Microsoft.NETCore.Platforms (>= 1.1.1) - restriction: || (&& (== net472) (== xamarinmac)) (&& (== net472) (< net45)) (&& (== net48) (== xamarinmac)) (&& (== net48) (< net45)) (== net5.0-windows7.0) (== netcoreapp3.1) (== netstandard2.0) (&& (== xamarinmac) (< netstandard1.2)) (&& (== xamarinmac) (< netstandard1.3)) (&& (== xamarinmac) (< netstandard1.5))
      Microsoft.NETCore.Targets (>= 1.1.3) - restriction: || (&& (== net472) (== xamarinmac)) (&& (== net472) (< net45)) (&& (== net48) (== xamarinmac)) (&& (== net48) (< net45)) (== net5.0-windows7.0) (== netcoreapp3.1) (== netstandard2.0) (&& (== xamarinmac) (< netstandard1.2)) (&& (== xamarinmac) (< netstandard1.3)) (&& (== xamarinmac) (< netstandard1.5))
    System.Runtime.CompilerServices.Unsafe (6.0)
    System.Runtime.Extensions (4.3.1) - restriction: || (&& (== net472) (< net45)) (&& (== net48) (< net45)) (== net5.0-windows7.0) (== netcoreapp3.1) (== netstandard2.0) (== xamarinmac)
      Microsoft.NETCore.Platforms (>= 1.1.1) - restriction: || (&& (== net472) (== xamarinmac)) (&& (== net472) (< net45)) (&& (== net48) (== xamarinmac)) (&& (== net48) (< net45)) (== net5.0-windows7.0) (== netcoreapp3.1) (== netstandard2.0) (&& (== xamarinmac) (< netstandard1.3)) (&& (== xamarinmac) (< netstandard1.5))
      Microsoft.NETCore.Targets (>= 1.1.3) - restriction: || (&& (== net472) (== xamarinmac)) (&& (== net472) (< net45)) (&& (== net48) (== xamarinmac)) (&& (== net48) (< net45)) (== net5.0-windows7.0) (== netcoreapp3.1) (== netstandard2.0) (&& (== xamarinmac) (< netstandard1.3)) (&& (== xamarinmac) (< netstandard1.5))
      System.Runtime (>= 4.3.1) - restriction: || (&& (== net472) (== xamarinmac)) (&& (== net472) (< net45)) (&& (== net48) (== xamarinmac)) (&& (== net48) (< net45)) (== net5.0-windows7.0) (== netcoreapp3.1) (== netstandard2.0) (&& (== xamarinmac) (< netstandard1.3)) (&& (== xamarinmac) (< netstandard1.5))
    System.Runtime.Handles (4.3) - restriction: || (&& (== net472) (== xamarinmac)) (&& (== net472) (< net45)) (&& (== net48) (== xamarinmac)) (&& (== net48) (< net45)) (== net5.0-windows7.0) (== netcoreapp3.1) (== netstandard2.0)
      Microsoft.NETCore.Platforms (>= 1.1) - restriction: || (&& (== net472) (== xamarinmac)) (&& (== net472) (< net46)) (&& (== net48) (== xamarinmac)) (&& (== net48) (< net46)) (== net5.0-windows7.0) (== netcoreapp3.1) (== netstandard2.0)
      Microsoft.NETCore.Targets (>= 1.1) - restriction: || (&& (== net472) (== xamarinmac)) (&& (== net472) (< net46)) (&& (== net48) (== xamarinmac)) (&& (== net48) (< net46)) (== net5.0-windows7.0) (== netcoreapp3.1) (== netstandard2.0)
      System.Runtime (>= 4.3) - restriction: || (&& (== net472) (== xamarinmac)) (&& (== net472) (< net46)) (&& (== net48) (== xamarinmac)) (&& (== net48) (< net46)) (== net5.0-windows7.0) (== netcoreapp3.1) (== netstandard2.0)
    System.Runtime.InteropServices (4.3) - restriction: || (&& (== net472) (== xamarinmac)) (&& (== net472) (< net45)) (&& (== net48) (== xamarinmac)) (&& (== net48) (< net45)) (== net5.0-windows7.0) (== netcoreapp3.1) (== netstandard2.0)
      Microsoft.NETCore.Platforms (>= 1.1) - restriction: || (&& (== net472) (== xamarinmac)) (&& (== net472) (< net45)) (&& (== net472) (>= netcoreapp1.1)) (&& (== net48) (== xamarinmac)) (&& (== net48) (< net45)) (&& (== net48) (>= netcoreapp1.1)) (== net5.0-windows7.0) (== netcoreapp3.1) (== netstandard2.0) (&& (== xamarinmac) (< netstandard1.2)) (&& (== xamarinmac) (< netstandard1.3)) (&& (== xamarinmac) (< netstandard1.5))
      Microsoft.NETCore.Targets (>= 1.1) - restriction: || (&& (== net472) (== xamarinmac)) (&& (== net472) (< net45)) (&& (== net472) (>= netcoreapp1.1)) (&& (== net48) (== xamarinmac)) (&& (== net48) (< net45)) (&& (== net48) (>= netcoreapp1.1)) (== net5.0-windows7.0) (== netcoreapp3.1) (== netstandard2.0) (&& (== xamarinmac) (< netstandard1.2)) (&& (== xamarinmac) (< netstandard1.3)) (&& (== xamarinmac) (< netstandard1.5))
      System.Reflection (>= 4.3) - restriction: || (&& (== net472) (== xamarinmac)) (&& (== net472) (< net45)) (&& (== net472) (>= netcoreapp1.1)) (&& (== net48) (== xamarinmac)) (&& (== net48) (< net45)) (&& (== net48) (>= netcoreapp1.1)) (== net5.0-windows7.0) (== netcoreapp3.1) (== netstandard2.0) (&& (== xamarinmac) (< netstandard1.2)) (&& (== xamarinmac) (< netstandard1.3)) (&& (== xamarinmac) (< netstandard1.5))
      System.Reflection.Primitives (>= 4.3) - restriction: || (&& (== net472) (== xamarinmac)) (&& (== net472) (< net45)) (&& (== net472) (>= netcoreapp1.1)) (&& (== net48) (== xamarinmac)) (&& (== net48) (< net45)) (&& (== net48) (>= netcoreapp1.1)) (== net5.0-windows7.0) (== netcoreapp3.1) (== netstandard2.0) (&& (== xamarinmac) (< netstandard1.2)) (&& (== xamarinmac) (< netstandard1.3)) (&& (== xamarinmac) (< netstandard1.5))
      System.Runtime (>= 4.3) - restriction: || (== net472) (== net48) (== net5.0-windows7.0) (== netcoreapp3.1) (== netstandard2.0) (&& (== xamarinmac) (>= net462)) (&& (== xamarinmac) (< netstandard1.2)) (&& (== xamarinmac) (< netstandard1.3)) (&& (== xamarinmac) (< netstandard1.5))
      System.Runtime.Handles (>= 4.3) - restriction: || (&& (== net472) (== xamarinmac)) (&& (== net472) (< net45)) (&& (== net472) (>= netcoreapp1.1)) (&& (== net48) (== xamarinmac)) (&& (== net48) (< net45)) (&& (== net48) (>= netcoreapp1.1)) (== net5.0-windows7.0) (== netcoreapp3.1) (== netstandard2.0) (&& (== xamarinmac) (< netstandard1.5))
    System.Runtime.Numerics (4.3) - restriction: || (&& (== net472) (< net45)) (&& (== net48) (< net45)) (== net5.0-windows7.0) (== netcoreapp3.1) (== netstandard2.0) (== xamarinmac)
      System.Globalization (>= 4.3) - restriction: || (&& (== net472) (== xamarinmac)) (&& (== net472) (< net45)) (&& (== net48) (== xamarinmac)) (&& (== net48) (< net45)) (== net5.0-windows7.0) (== netcoreapp3.1) (== netstandard2.0)
      System.Resources.ResourceManager (>= 4.3) - restriction: || (&& (== net472) (== xamarinmac)) (&& (== net472) (< net45)) (&& (== net48) (== xamarinmac)) (&& (== net48) (< net45)) (== net5.0-windows7.0) (== netcoreapp3.1) (== netstandard2.0)
      System.Runtime (>= 4.3) - restriction: || (&& (== net472) (== xamarinmac)) (&& (== net472) (< net45)) (&& (== net48) (== xamarinmac)) (&& (== net48) (< net45)) (== net5.0-windows7.0) (== netcoreapp3.1) (== netstandard2.0) (&& (== xamarinmac) (< netstandard1.3))
      System.Runtime.Extensions (>= 4.3) - restriction: || (&& (== net472) (== xamarinmac)) (&& (== net472) (< net45)) (&& (== net48) (== xamarinmac)) (&& (== net48) (< net45)) (== net5.0-windows7.0) (== netcoreapp3.1) (== netstandard2.0)
    System.Security.Cryptography.Algorithms (4.3.1) - restriction: || (&& (== net472) (== xamarinmac)) (&& (== net472) (< net45)) (&& (== net48) (== xamarinmac)) (&& (== net48) (< net45)) (== net5.0-windows7.0) (== netcoreapp3.1) (== netstandard2.0)
      Microsoft.NETCore.Platforms (>= 1.1) - restriction: || (&& (== net472) (== xamarinmac)) (&& (== net472) (< net46)) (&& (== net48) (== xamarinmac)) (&& (== net48) (< net46)) (== net5.0-windows7.0) (== netcoreapp3.1) (== netstandard2.0)
      runtime.native.System.Security.Cryptography.Apple (>= 4.3.1) - restriction: || (&& (== net472) (== xamarinmac)) (&& (== net472) (< net46)) (&& (== net48) (== xamarinmac)) (&& (== net48) (< net46)) (== net5.0-windows7.0) (== netcoreapp3.1) (== netstandard2.0)
      runtime.native.System.Security.Cryptography.OpenSsl (>= 4.3.2) - restriction: || (&& (== net472) (== xamarinmac)) (&& (== net472) (< net46)) (&& (== net48) (== xamarinmac)) (&& (== net48) (< net46)) (== net5.0-windows7.0) (== netcoreapp3.1) (== netstandard2.0)
      System.Collections (>= 4.3) - restriction: || (&& (== net472) (== xamarinmac)) (&& (== net472) (< net46)) (&& (== net48) (== xamarinmac)) (&& (== net48) (< net46)) (== net5.0-windows7.0) (== netcoreapp3.1) (== netstandard2.0)
      System.IO (>= 4.3) - restriction: || (== net472) (== net48) (== net5.0-windows7.0) (== netcoreapp3.1) (== netstandard2.0) (&& (== xamarinmac) (>= net463)) (&& (== xamarinmac) (< netstandard1.4)) (&& (== xamarinmac) (< netstandard1.6))
      System.Resources.ResourceManager (>= 4.3) - restriction: || (&& (== net472) (== xamarinmac)) (&& (== net472) (< net46)) (&& (== net48) (== xamarinmac)) (&& (== net48) (< net46)) (== net5.0-windows7.0) (== netcoreapp3.1) (== netstandard2.0)
      System.Runtime (>= 4.3) - restriction: || (== net472) (== net48) (== net5.0-windows7.0) (== netcoreapp3.1) (== netstandard2.0) (&& (== xamarinmac) (>= net463)) (&& (== xamarinmac) (< netstandard1.4)) (&& (== xamarinmac) (< netstandard1.6))
      System.Runtime.Extensions (>= 4.3) - restriction: || (&& (== net472) (== xamarinmac)) (&& (== net472) (< net46)) (&& (== net48) (== xamarinmac)) (&& (== net48) (< net46)) (== net5.0-windows7.0) (== netcoreapp3.1) (== netstandard2.0)
      System.Runtime.Handles (>= 4.3) - restriction: || (&& (== net472) (== xamarinmac)) (&& (== net472) (< net46)) (&& (== net48) (== xamarinmac)) (&& (== net48) (< net46)) (== net5.0-windows7.0) (== netcoreapp3.1) (== netstandard2.0)
      System.Runtime.InteropServices (>= 4.3) - restriction: || (&& (== net472) (== xamarinmac)) (&& (== net472) (< net46)) (&& (== net48) (== xamarinmac)) (&& (== net48) (< net46)) (== net5.0-windows7.0) (== netcoreapp3.1) (== netstandard2.0)
      System.Runtime.Numerics (>= 4.3) - restriction: || (&& (== net472) (== xamarinmac)) (&& (== net472) (< net46)) (&& (== net48) (== xamarinmac)) (&& (== net48) (< net46)) (== net5.0-windows7.0) (== netcoreapp3.1) (== netstandard2.0)
      System.Security.Cryptography.Encoding (>= 4.3) - restriction: || (== net472) (== net48) (== net5.0-windows7.0) (== netcoreapp3.1) (== netstandard2.0) (&& (== xamarinmac) (>= net463))
      System.Security.Cryptography.Primitives (>= 4.3) - restriction: || (== net472) (== net48) (== net5.0-windows7.0) (== netcoreapp3.1) (== netstandard2.0) (&& (== xamarinmac) (>= net463)) (&& (== xamarinmac) (< netstandard1.4)) (&& (== xamarinmac) (< netstandard1.6))
      System.Text.Encoding (>= 4.3) - restriction: || (&& (== net472) (== xamarinmac)) (&& (== net472) (< net46)) (&& (== net48) (== xamarinmac)) (&& (== net48) (< net46)) (== net5.0-windows7.0) (== netcoreapp3.1) (== netstandard2.0)
    System.Security.Cryptography.Cng (5.0) - restriction: || (&& (== net472) (== xamarinmac)) (&& (== net472) (< net45)) (&& (== net48) (== xamarinmac)) (&& (== net48) (< net45)) (== net5.0-windows7.0) (== netcoreapp3.1) (== netstandard2.0)
      System.Formats.Asn1 (>= 5.0) - restriction: || (&& (== net472) (>= netcoreapp3.0)) (&& (== net48) (>= netcoreapp3.0)) (== net5.0-windows7.0) (== netcoreapp3.1) (&& (== netstandard2.0) (>= netcoreapp3.0))
    System.Security.Cryptography.Csp (4.3) - restriction: || (&& (== net472) (== xamarinmac)) (&& (== net472) (< net45)) (&& (== net48) (== xamarinmac)) (&& (== net48) (< net45)) (== net5.0-windows7.0) (== netcoreapp3.1) (== netstandard2.0)
      Microsoft.NETCore.Platforms (>= 1.1) - restriction: || (&& (== net472) (== xamarinmac)) (&& (== net472) (< net46)) (&& (== net48) (== xamarinmac)) (&& (== net48) (< net46)) (== net5.0-windows7.0) (== netcoreapp3.1) (== netstandard2.0)
      System.IO (>= 4.3) - restriction: || (&& (== net472) (== xamarinmac)) (&& (== net472) (< net46)) (&& (== net48) (== xamarinmac)) (&& (== net48) (< net46)) (== net5.0-windows7.0) (== netcoreapp3.1) (== netstandard2.0)
      System.Reflection (>= 4.3) - restriction: || (&& (== net472) (== xamarinmac)) (&& (== net472) (< net46)) (&& (== net48) (== xamarinmac)) (&& (== net48) (< net46)) (== net5.0-windows7.0) (== netcoreapp3.1) (== netstandard2.0)
      System.Resources.ResourceManager (>= 4.3) - restriction: || (&& (== net472) (== xamarinmac)) (&& (== net472) (< net46)) (&& (== net48) (== xamarinmac)) (&& (== net48) (< net46)) (== net5.0-windows7.0) (== netcoreapp3.1) (== netstandard2.0)
      System.Runtime (>= 4.3) - restriction: || (&& (== net472) (== xamarinmac)) (&& (== net472) (< net46)) (&& (== net48) (== xamarinmac)) (&& (== net48) (< net46)) (== net5.0-windows7.0) (== netcoreapp3.1) (== netstandard2.0)
      System.Runtime.Extensions (>= 4.3) - restriction: || (&& (== net472) (== xamarinmac)) (&& (== net472) (< net46)) (&& (== net48) (== xamarinmac)) (&& (== net48) (< net46)) (== net5.0-windows7.0) (== netcoreapp3.1) (== netstandard2.0)
      System.Runtime.Handles (>= 4.3) - restriction: || (&& (== net472) (== xamarinmac)) (&& (== net472) (< net46)) (&& (== net48) (== xamarinmac)) (&& (== net48) (< net46)) (== net5.0-windows7.0) (== netcoreapp3.1) (== netstandard2.0)
      System.Runtime.InteropServices (>= 4.3) - restriction: || (&& (== net472) (== xamarinmac)) (&& (== net472) (< net46)) (&& (== net48) (== xamarinmac)) (&& (== net48) (< net46)) (== net5.0-windows7.0) (== netcoreapp3.1) (== netstandard2.0)
      System.Security.Cryptography.Algorithms (>= 4.3) - restriction: || (== net472) (== net48) (== net5.0-windows7.0) (== netcoreapp3.1) (== netstandard2.0) (&& (== xamarinmac) (>= net46))
      System.Security.Cryptography.Encoding (>= 4.3) - restriction: || (&& (== net472) (== xamarinmac)) (&& (== net472) (< net46)) (&& (== net48) (== xamarinmac)) (&& (== net48) (< net46)) (== net5.0-windows7.0) (== netcoreapp3.1) (== netstandard2.0)
      System.Security.Cryptography.Primitives (>= 4.3) - restriction: || (== net472) (== net48) (== net5.0-windows7.0) (== netcoreapp3.1) (== netstandard2.0) (&& (== xamarinmac) (>= net46))
      System.Text.Encoding (>= 4.3) - restriction: || (&& (== net472) (== xamarinmac)) (&& (== net472) (< net46)) (&& (== net48) (== xamarinmac)) (&& (== net48) (< net46)) (== net5.0-windows7.0) (== netcoreapp3.1) (== netstandard2.0)
      System.Threading (>= 4.3) - restriction: || (&& (== net472) (== xamarinmac)) (&& (== net472) (< net46)) (&& (== net48) (== xamarinmac)) (&& (== net48) (< net46)) (== net5.0-windows7.0) (== netcoreapp3.1) (== netstandard2.0)
    System.Security.Cryptography.Encoding (4.3) - restriction: || (&& (== net472) (== xamarinmac)) (&& (== net472) (< net45)) (&& (== net48) (== xamarinmac)) (&& (== net48) (< net45)) (== net5.0-windows7.0) (== netcoreapp3.1) (== netstandard2.0)
      Microsoft.NETCore.Platforms (>= 1.1) - restriction: || (&& (== net472) (== xamarinmac)) (&& (== net472) (< net46)) (&& (== net48) (== xamarinmac)) (&& (== net48) (< net46)) (== net5.0-windows7.0) (== netcoreapp3.1) (== netstandard2.0)
      runtime.native.System.Security.Cryptography.OpenSsl (>= 4.3) - restriction: || (&& (== net472) (== xamarinmac)) (&& (== net472) (< net46)) (&& (== net48) (== xamarinmac)) (&& (== net48) (< net46)) (== net5.0-windows7.0) (== netcoreapp3.1) (== netstandard2.0)
      System.Collections (>= 4.3) - restriction: || (&& (== net472) (== xamarinmac)) (&& (== net472) (< net46)) (&& (== net48) (== xamarinmac)) (&& (== net48) (< net46)) (== net5.0-windows7.0) (== netcoreapp3.1) (== netstandard2.0)
      System.Collections.Concurrent (>= 4.3) - restriction: || (&& (== net472) (== xamarinmac)) (&& (== net472) (< net46)) (&& (== net48) (== xamarinmac)) (&& (== net48) (< net46)) (== net5.0-windows7.0) (== netcoreapp3.1) (== netstandard2.0)
      System.Linq (>= 4.3) - restriction: || (&& (== net472) (== xamarinmac)) (&& (== net472) (< net46)) (&& (== net48) (== xamarinmac)) (&& (== net48) (< net46)) (== net5.0-windows7.0) (== netcoreapp3.1) (== netstandard2.0)
      System.Resources.ResourceManager (>= 4.3) - restriction: || (&& (== net472) (== xamarinmac)) (&& (== net472) (< net46)) (&& (== net48) (== xamarinmac)) (&& (== net48) (< net46)) (== net5.0-windows7.0) (== netcoreapp3.1) (== netstandard2.0)
      System.Runtime (>= 4.3) - restriction: || (&& (== net472) (== xamarinmac)) (&& (== net472) (< net46)) (&& (== net48) (== xamarinmac)) (&& (== net48) (< net46)) (== net5.0-windows7.0) (== netcoreapp3.1) (== netstandard2.0)
      System.Runtime.Extensions (>= 4.3) - restriction: || (&& (== net472) (== xamarinmac)) (&& (== net472) (< net46)) (&& (== net48) (== xamarinmac)) (&& (== net48) (< net46)) (== net5.0-windows7.0) (== netcoreapp3.1) (== netstandard2.0)
      System.Runtime.Handles (>= 4.3) - restriction: || (&& (== net472) (== xamarinmac)) (&& (== net472) (< net46)) (&& (== net48) (== xamarinmac)) (&& (== net48) (< net46)) (== net5.0-windows7.0) (== netcoreapp3.1) (== netstandard2.0)
      System.Runtime.InteropServices (>= 4.3) - restriction: || (&& (== net472) (== xamarinmac)) (&& (== net472) (< net46)) (&& (== net48) (== xamarinmac)) (&& (== net48) (< net46)) (== net5.0-windows7.0) (== netcoreapp3.1) (== netstandard2.0)
      System.Security.Cryptography.Primitives (>= 4.3) - restriction: || (&& (== net472) (== xamarinmac)) (&& (== net472) (< net46)) (&& (== net48) (== xamarinmac)) (&& (== net48) (< net46)) (== net5.0-windows7.0) (== netcoreapp3.1) (== netstandard2.0)
      System.Text.Encoding (>= 4.3) - restriction: || (&& (== net472) (== xamarinmac)) (&& (== net472) (< net46)) (&& (== net48) (== xamarinmac)) (&& (== net48) (< net46)) (== net5.0-windows7.0) (== netcoreapp3.1) (== netstandard2.0)
    System.Security.Cryptography.OpenSsl (5.0) - restriction: || (&& (== net472) (== xamarinmac)) (&& (== net472) (< net45)) (&& (== net48) (== xamarinmac)) (&& (== net48) (< net45)) (== net5.0-windows7.0) (== netcoreapp3.1) (== netstandard2.0)
      System.Formats.Asn1 (>= 5.0) - restriction: || (&& (== net472) (>= netcoreapp3.0)) (&& (== net48) (>= netcoreapp3.0)) (== net5.0-windows7.0) (== netcoreapp3.1) (&& (== netstandard2.0) (>= netcoreapp3.0)) (&& (== xamarinmac) (>= netcoreapp3.0))
    System.Security.Cryptography.Primitives (4.3) - restriction: || (&& (== net472) (== xamarinmac)) (&& (== net472) (< net45)) (&& (== net48) (== xamarinmac)) (&& (== net48) (< net45)) (== net5.0-windows7.0) (== netcoreapp3.1) (== netstandard2.0)
      System.Diagnostics.Debug (>= 4.3) - restriction: || (&& (== net472) (== xamarinmac)) (&& (== net472) (< net46)) (&& (== net48) (== xamarinmac)) (&& (== net48) (< net46)) (== net5.0-windows7.0) (== netcoreapp3.1) (== netstandard2.0)
      System.Globalization (>= 4.3) - restriction: || (&& (== net472) (== xamarinmac)) (&& (== net472) (< net46)) (&& (== net48) (== xamarinmac)) (&& (== net48) (< net46)) (== net5.0-windows7.0) (== netcoreapp3.1) (== netstandard2.0)
      System.IO (>= 4.3) - restriction: || (&& (== net472) (== xamarinmac)) (&& (== net472) (< net46)) (&& (== net48) (== xamarinmac)) (&& (== net48) (< net46)) (== net5.0-windows7.0) (== netcoreapp3.1) (== netstandard2.0)
      System.Resources.ResourceManager (>= 4.3) - restriction: || (&& (== net472) (== xamarinmac)) (&& (== net472) (< net46)) (&& (== net48) (== xamarinmac)) (&& (== net48) (< net46)) (== net5.0-windows7.0) (== netcoreapp3.1) (== netstandard2.0)
      System.Runtime (>= 4.3) - restriction: || (&& (== net472) (== xamarinmac)) (&& (== net472) (< net46)) (&& (== net48) (== xamarinmac)) (&& (== net48) (< net46)) (== net5.0-windows7.0) (== netcoreapp3.1) (== netstandard2.0)
      System.Threading (>= 4.3) - restriction: || (&& (== net472) (== xamarinmac)) (&& (== net472) (< net46)) (&& (== net48) (== xamarinmac)) (&& (== net48) (< net46)) (== net5.0-windows7.0) (== netcoreapp3.1) (== netstandard2.0)
      System.Threading.Tasks (>= 4.3) - restriction: || (&& (== net472) (== xamarinmac)) (&& (== net472) (< net46)) (&& (== net48) (== xamarinmac)) (&& (== net48) (< net46)) (== net5.0-windows7.0) (== netcoreapp3.1) (== netstandard2.0)
    System.Security.Cryptography.X509Certificates (4.3.2) - restriction: || (&& (== net472) (== xamarinmac)) (&& (== net472) (< net45)) (&& (== net48) (== xamarinmac)) (&& (== net48) (< net45)) (== net5.0-windows7.0) (== netcoreapp3.1) (== netstandard2.0)
      Microsoft.NETCore.Platforms (>= 1.1) - restriction: || (&& (== net472) (== xamarinmac)) (&& (== net472) (< net46)) (&& (== net48) (== xamarinmac)) (&& (== net48) (< net46)) (== net5.0-windows7.0) (== netcoreapp3.1) (== netstandard2.0)
      runtime.native.System (>= 4.3) - restriction: || (&& (== net472) (== xamarinmac)) (&& (== net472) (< net46)) (&& (== net48) (== xamarinmac)) (&& (== net48) (< net46)) (== net5.0-windows7.0) (== netcoreapp3.1) (== netstandard2.0)
      runtime.native.System.Net.Http (>= 4.3) - restriction: || (&& (== net472) (== xamarinmac)) (&& (== net472) (< net46)) (&& (== net48) (== xamarinmac)) (&& (== net48) (< net46)) (== net5.0-windows7.0) (== netcoreapp3.1) (== netstandard2.0)
      runtime.native.System.Security.Cryptography.OpenSsl (>= 4.3.2) - restriction: || (&& (== net472) (== xamarinmac)) (&& (== net472) (< net46)) (&& (== net48) (== xamarinmac)) (&& (== net48) (< net46)) (== net5.0-windows7.0) (== netcoreapp3.1) (== netstandard2.0)
      System.Collections (>= 4.3) - restriction: || (&& (== net472) (== xamarinmac)) (&& (== net472) (< net46)) (&& (== net48) (== xamarinmac)) (&& (== net48) (< net46)) (== net5.0-windows7.0) (== netcoreapp3.1) (== netstandard2.0)
      System.Diagnostics.Debug (>= 4.3) - restriction: || (&& (== net472) (== xamarinmac)) (&& (== net472) (< net46)) (&& (== net48) (== xamarinmac)) (&& (== net48) (< net46)) (== net5.0-windows7.0) (== netcoreapp3.1) (== netstandard2.0)
      System.Globalization (>= 4.3) - restriction: || (&& (== net472) (== xamarinmac)) (&& (== net472) (< net46)) (&& (== net48) (== xamarinmac)) (&& (== net48) (< net46)) (== net5.0-windows7.0) (== netcoreapp3.1) (== netstandard2.0)
      System.Globalization.Calendars (>= 4.3) - restriction: || (&& (== net472) (== xamarinmac)) (&& (== net472) (< net46)) (&& (== net48) (== xamarinmac)) (&& (== net48) (< net46)) (== net5.0-windows7.0) (== netcoreapp3.1) (== netstandard2.0)
      System.IO (>= 4.3) - restriction: || (&& (== net472) (== xamarinmac)) (&& (== net472) (< net46)) (&& (== net48) (== xamarinmac)) (&& (== net48) (< net46)) (== net5.0-windows7.0) (== netcoreapp3.1) (== netstandard2.0)
      System.IO.FileSystem (>= 4.3) - restriction: || (&& (== net472) (== xamarinmac)) (&& (== net472) (< net46)) (&& (== net48) (== xamarinmac)) (&& (== net48) (< net46)) (== net5.0-windows7.0) (== netcoreapp3.1) (== netstandard2.0)
      System.IO.FileSystem.Primitives (>= 4.3) - restriction: || (&& (== net472) (== xamarinmac)) (&& (== net472) (< net46)) (&& (== net48) (== xamarinmac)) (&& (== net48) (< net46)) (== net5.0-windows7.0) (== netcoreapp3.1) (== netstandard2.0)
      System.Resources.ResourceManager (>= 4.3) - restriction: || (&& (== net472) (== xamarinmac)) (&& (== net472) (< net46)) (&& (== net48) (== xamarinmac)) (&& (== net48) (< net46)) (== net5.0-windows7.0) (== netcoreapp3.1) (== netstandard2.0)
      System.Runtime (>= 4.3) - restriction: || (&& (== net472) (== xamarinmac)) (&& (== net472) (< net46)) (&& (== net48) (== xamarinmac)) (&& (== net48) (< net46)) (== net5.0-windows7.0) (== netcoreapp3.1) (== netstandard2.0) (&& (== xamarinmac) (< netstandard1.4)) (&& (== xamarinmac) (< netstandard1.6))
      System.Runtime.Extensions (>= 4.3) - restriction: || (&& (== net472) (== xamarinmac)) (&& (== net472) (< net46)) (&& (== net48) (== xamarinmac)) (&& (== net48) (< net46)) (== net5.0-windows7.0) (== netcoreapp3.1) (== netstandard2.0)
      System.Runtime.Handles (>= 4.3) - restriction: || (&& (== net472) (== xamarinmac)) (&& (== net472) (< net46)) (&& (== net48) (== xamarinmac)) (&& (== net48) (< net46)) (== net5.0-windows7.0) (== netcoreapp3.1) (== netstandard2.0) (&& (== xamarinmac) (< netstandard1.4)) (&& (== xamarinmac) (< netstandard1.6))
      System.Runtime.InteropServices (>= 4.3) - restriction: || (&& (== net472) (== xamarinmac)) (&& (== net472) (< net46)) (&& (== net48) (== xamarinmac)) (&& (== net48) (< net46)) (== net5.0-windows7.0) (== netcoreapp3.1) (== netstandard2.0)
      System.Runtime.Numerics (>= 4.3) - restriction: || (&& (== net472) (== xamarinmac)) (&& (== net472) (< net46)) (&& (== net48) (== xamarinmac)) (&& (== net48) (< net46)) (== net5.0-windows7.0) (== netcoreapp3.1) (== netstandard2.0)
      System.Security.Cryptography.Algorithms (>= 4.3) - restriction: || (== net472) (== net48) (== net5.0-windows7.0) (== netcoreapp3.1) (== netstandard2.0) (&& (== xamarinmac) (>= net461)) (&& (== xamarinmac) (< netstandard1.4)) (&& (== xamarinmac) (< netstandard1.6))
      System.Security.Cryptography.Cng (>= 4.3) - restriction: || (&& (== net472) (== xamarinmac)) (&& (== net472) (< net46)) (&& (== net48) (== xamarinmac)) (&& (== net48) (< net46)) (== net5.0-windows7.0) (== netcoreapp3.1) (== netstandard2.0)
      System.Security.Cryptography.Csp (>= 4.3) - restriction: || (&& (== net472) (== xamarinmac)) (&& (== net472) (< net46)) (&& (== net48) (== xamarinmac)) (&& (== net48) (< net46)) (== net5.0-windows7.0) (== netcoreapp3.1) (== netstandard2.0)
      System.Security.Cryptography.Encoding (>= 4.3) - restriction: || (== net472) (== net48) (== net5.0-windows7.0) (== netcoreapp3.1) (== netstandard2.0) (&& (== xamarinmac) (>= net461)) (&& (== xamarinmac) (< netstandard1.4)) (&& (== xamarinmac) (< netstandard1.6))
      System.Security.Cryptography.OpenSsl (>= 4.3) - restriction: || (&& (== net472) (== xamarinmac)) (&& (== net472) (< net46)) (&& (== net48) (== xamarinmac)) (&& (== net48) (< net46)) (== net5.0-windows7.0) (== netcoreapp3.1) (== netstandard2.0)
      System.Security.Cryptography.Primitives (>= 4.3) - restriction: || (&& (== net472) (== xamarinmac)) (&& (== net472) (< net46)) (&& (== net48) (== xamarinmac)) (&& (== net48) (< net46)) (== net5.0-windows7.0) (== netcoreapp3.1) (== netstandard2.0)
      System.Text.Encoding (>= 4.3) - restriction: || (&& (== net472) (== xamarinmac)) (&& (== net472) (< net46)) (&& (== net48) (== xamarinmac)) (&& (== net48) (< net46)) (== net5.0-windows7.0) (== netcoreapp3.1) (== netstandard2.0)
      System.Threading (>= 4.3) - restriction: || (&& (== net472) (== xamarinmac)) (&& (== net472) (< net46)) (&& (== net48) (== xamarinmac)) (&& (== net48) (< net46)) (== net5.0-windows7.0) (== netcoreapp3.1) (== netstandard2.0)
    System.Text.Encoding (4.3) - restriction: || (&& (== net472) (== xamarinmac)) (&& (== net472) (< net45)) (&& (== net48) (== xamarinmac)) (&& (== net48) (< net45)) (== net5.0-windows7.0) (== netcoreapp3.1) (== netstandard2.0) (&& (== xamarinmac) (< netstandard1.3)) (&& (== xamarinmac) (< netstandard1.5))
      Microsoft.NETCore.Platforms (>= 1.1) - restriction: || (&& (== net472) (== xamarinmac)) (&& (== net472) (< net45)) (&& (== net48) (== xamarinmac)) (&& (== net48) (< net45)) (== net5.0-windows7.0) (== netcoreapp3.1) (== netstandard2.0) (&& (== xamarinmac) (< netstandard1.3))
      Microsoft.NETCore.Targets (>= 1.1) - restriction: || (&& (== net472) (== xamarinmac)) (&& (== net472) (< net45)) (&& (== net48) (== xamarinmac)) (&& (== net48) (< net45)) (== net5.0-windows7.0) (== netcoreapp3.1) (== netstandard2.0) (&& (== xamarinmac) (< netstandard1.3))
      System.Runtime (>= 4.3) - restriction: || (&& (== net472) (== xamarinmac)) (&& (== net472) (< net45)) (&& (== net48) (== xamarinmac)) (&& (== net48) (< net45)) (== net5.0-windows7.0) (== netcoreapp3.1) (== netstandard2.0) (&& (== xamarinmac) (< netstandard1.3))
    System.Text.Encodings.Web (6.0)
      System.Buffers (>= 4.5.1) - restriction: || (== net472) (== net48) (&& (== net5.0-windows7.0) (>= net461)) (&& (== net5.0-windows7.0) (< netcoreapp3.1)) (&& (== netcoreapp3.1) (>= net461)) (== netstandard2.0) (== xamarinmac)
      System.Memory (>= 4.5.4) - restriction: || (== net472) (== net48) (&& (== net5.0-windows7.0) (>= net461)) (&& (== net5.0-windows7.0) (< netcoreapp3.1)) (&& (== netcoreapp3.1) (>= net461)) (== netstandard2.0) (== xamarinmac)
      System.Runtime.CompilerServices.Unsafe (>= 6.0)
    System.Text.RegularExpressions (4.3.1) - restriction: || (&& (== net472) (< net45)) (&& (== net48) (< net45)) (== net5.0-windows7.0) (== netcoreapp3.1) (== netstandard2.0) (== xamarinmac)
      System.Collections (>= 4.3) - restriction: || (&& (== net472) (== net5.0-windows7.0)) (&& (== net472) (== netcoreapp3.1)) (&& (== net472) (== xamarinmac)) (&& (== net472) (< net45)) (&& (== net48) (== net5.0-windows7.0)) (&& (== net48) (== netcoreapp3.1)) (&& (== net48) (== xamarinmac)) (&& (== net48) (< net45)) (&& (== net5.0-windows7.0) (== xamarinmac)) (&& (== net5.0-windows7.0) (< netcoreapp1.1)) (&& (== netcoreapp3.1) (== xamarinmac)) (&& (== netcoreapp3.1) (< netcoreapp1.1)) (== netstandard2.0)
      System.Globalization (>= 4.3) - restriction: || (&& (== net472) (== net5.0-windows7.0)) (&& (== net472) (== netcoreapp3.1)) (&& (== net472) (== xamarinmac)) (&& (== net472) (< net45)) (&& (== net48) (== net5.0-windows7.0)) (&& (== net48) (== netcoreapp3.1)) (&& (== net48) (== xamarinmac)) (&& (== net48) (< net45)) (&& (== net5.0-windows7.0) (== xamarinmac)) (&& (== net5.0-windows7.0) (< netcoreapp1.1)) (&& (== netcoreapp3.1) (== xamarinmac)) (&& (== netcoreapp3.1) (< netcoreapp1.1)) (== netstandard2.0)
      System.Resources.ResourceManager (>= 4.3) - restriction: || (&& (== net472) (== net5.0-windows7.0)) (&& (== net472) (== netcoreapp3.1)) (&& (== net472) (== xamarinmac)) (&& (== net472) (< net45)) (&& (== net48) (== net5.0-windows7.0)) (&& (== net48) (== netcoreapp3.1)) (&& (== net48) (== xamarinmac)) (&& (== net48) (< net45)) (&& (== net5.0-windows7.0) (== xamarinmac)) (&& (== net5.0-windows7.0) (< netcoreapp1.1)) (&& (== netcoreapp3.1) (== xamarinmac)) (&& (== netcoreapp3.1) (< netcoreapp1.1)) (== netstandard2.0)
      System.Runtime (>= 4.3.1) - restriction: || (&& (== net472) (== xamarinmac)) (&& (== net472) (< net45)) (&& (== net472) (>= netcoreapp1.1)) (&& (== net48) (== xamarinmac)) (&& (== net48) (< net45)) (&& (== net48) (>= netcoreapp1.1)) (== net5.0-windows7.0) (== netcoreapp3.1) (== netstandard2.0) (&& (== xamarinmac) (< netstandard1.3)) (&& (== xamarinmac) (< netstandard1.6))
      System.Runtime.Extensions (>= 4.3.1) - restriction: || (&& (== net472) (== net5.0-windows7.0)) (&& (== net472) (== netcoreapp3.1)) (&& (== net472) (== xamarinmac)) (&& (== net472) (< net45)) (&& (== net48) (== net5.0-windows7.0)) (&& (== net48) (== netcoreapp3.1)) (&& (== net48) (== xamarinmac)) (&& (== net48) (< net45)) (&& (== net5.0-windows7.0) (== xamarinmac)) (&& (== net5.0-windows7.0) (< netcoreapp1.1)) (&& (== netcoreapp3.1) (== xamarinmac)) (&& (== netcoreapp3.1) (< netcoreapp1.1)) (== netstandard2.0)
      System.Threading (>= 4.3) - restriction: || (&& (== net472) (== net5.0-windows7.0)) (&& (== net472) (== netcoreapp3.1)) (&& (== net472) (== xamarinmac)) (&& (== net472) (< net45)) (&& (== net48) (== net5.0-windows7.0)) (&& (== net48) (== netcoreapp3.1)) (&& (== net48) (== xamarinmac)) (&& (== net48) (< net45)) (&& (== net5.0-windows7.0) (== xamarinmac)) (&& (== net5.0-windows7.0) (< netcoreapp1.1)) (&& (== netcoreapp3.1) (== xamarinmac)) (&& (== netcoreapp3.1) (< netcoreapp1.1)) (== netstandard2.0)
    System.Threading (4.3) - restriction: || (&& (== net472) (< net45)) (&& (== net48) (< net45)) (== net5.0-windows7.0) (== netcoreapp3.1) (== netstandard2.0) (== xamarinmac)
      System.Runtime (>= 4.3) - restriction: || (&& (== net472) (== xamarinmac)) (&& (== net472) (< net45)) (&& (== net48) (== xamarinmac)) (&& (== net48) (< net45)) (== net5.0-windows7.0) (== netcoreapp3.1) (== netstandard2.0) (&& (== xamarinmac) (< netstandard1.3))
      System.Threading.Tasks (>= 4.3) - restriction: || (&& (== net472) (== xamarinmac)) (&& (== net472) (< net45)) (&& (== net48) (== xamarinmac)) (&& (== net48) (< net45)) (== net5.0-windows7.0) (== netcoreapp3.1) (== netstandard2.0) (&& (== xamarinmac) (< netstandard1.3))
    System.Threading.Tasks (4.3) - restriction: || (&& (== net472) (< net45)) (&& (== net48) (< net45)) (== net5.0-windows7.0) (== netcoreapp3.1) (== netstandard2.0) (== xamarinmac)
      Microsoft.NETCore.Platforms (>= 1.1) - restriction: || (&& (== net472) (== xamarinmac)) (&& (== net472) (< net45)) (&& (== net48) (== xamarinmac)) (&& (== net48) (< net45)) (== net5.0-windows7.0) (== netcoreapp3.1) (== netstandard2.0) (&& (== xamarinmac) (< netstandard1.3))
      Microsoft.NETCore.Targets (>= 1.1) - restriction: || (&& (== net472) (== xamarinmac)) (&& (== net472) (< net45)) (&& (== net48) (== xamarinmac)) (&& (== net48) (< net45)) (== net5.0-windows7.0) (== netcoreapp3.1) (== netstandard2.0) (&& (== xamarinmac) (< netstandard1.3))
      System.Runtime (>= 4.3) - restriction: || (&& (== net472) (== xamarinmac)) (&& (== net472) (< net45)) (&& (== net48) (== xamarinmac)) (&& (== net48) (< net45)) (== net5.0-windows7.0) (== netcoreapp3.1) (== netstandard2.0) (&& (== xamarinmac) (< netstandard1.3))
    System.Threading.Tasks.Parallel (4.3) - restriction: || (&& (== net472) (< net45)) (&& (== net48) (< net45)) (== net5.0-windows7.0) (== netcoreapp3.1) (== netstandard2.0) (== xamarinmac)
      System.Collections.Concurrent (>= 4.3) - restriction: || (&& (== net472) (== xamarinmac)) (&& (== net472) (< net45)) (&& (== net48) (== xamarinmac)) (&& (== net48) (< net45)) (== net5.0-windows7.0) (== netcoreapp3.1) (== netstandard2.0) (&& (== xamarinmac) (< netstandard1.3))
      System.Diagnostics.Debug (>= 4.3) - restriction: || (&& (== net472) (== xamarinmac)) (&& (== net472) (< net45)) (&& (== net48) (== xamarinmac)) (&& (== net48) (< net45)) (== net5.0-windows7.0) (== netcoreapp3.1) (== netstandard2.0)
      System.Diagnostics.Tracing (>= 4.3) - restriction: || (&& (== net472) (== xamarinmac)) (&& (== net472) (< net45)) (&& (== net48) (== xamarinmac)) (&& (== net48) (< net45)) (== net5.0-windows7.0) (== netcoreapp3.1) (== netstandard2.0)
      System.Resources.ResourceManager (>= 4.3) - restriction: || (&& (== net472) (== xamarinmac)) (&& (== net472) (< net45)) (&& (== net48) (== xamarinmac)) (&& (== net48) (< net45)) (== net5.0-windows7.0) (== netcoreapp3.1) (== netstandard2.0)
      System.Runtime (>= 4.3) - restriction: || (&& (== net472) (== xamarinmac)) (&& (== net472) (< net45)) (&& (== net48) (== xamarinmac)) (&& (== net48) (< net45)) (== net5.0-windows7.0) (== netcoreapp3.1) (== netstandard2.0) (&& (== xamarinmac) (< netstandard1.3))
      System.Runtime.Extensions (>= 4.3) - restriction: || (&& (== net472) (== xamarinmac)) (&& (== net472) (< net45)) (&& (== net48) (== xamarinmac)) (&& (== net48) (< net45)) (== net5.0-windows7.0) (== netcoreapp3.1) (== netstandard2.0)
      System.Threading (>= 4.3) - restriction: || (&& (== net472) (== xamarinmac)) (&& (== net472) (< net45)) (&& (== net48) (== xamarinmac)) (&& (== net48) (< net45)) (== net5.0-windows7.0) (== netcoreapp3.1) (== netstandard2.0)
      System.Threading.Tasks (>= 4.3) - restriction: || (&& (== net472) (== xamarinmac)) (&& (== net472) (< net45)) (&& (== net48) (== xamarinmac)) (&& (== net48) (< net45)) (== net5.0-windows7.0) (== netcoreapp3.1) (== netstandard2.0) (&& (== xamarinmac) (< netstandard1.3))
    System.Threading.Thread (4.3) - restriction: || (&& (== net472) (< net45)) (&& (== net48) (< net45)) (== net5.0-windows7.0) (== netcoreapp3.1) (== netstandard2.0) (== xamarinmac)
      System.Runtime (>= 4.3) - restriction: || (&& (== net472) (== xamarinmac)) (&& (== net472) (< net46)) (&& (== net48) (== xamarinmac)) (&& (== net48) (< net46)) (== net5.0-windows7.0) (== netcoreapp3.1) (== netstandard2.0)
    System.Threading.ThreadPool (4.3) - restriction: || (&& (== net472) (< net45)) (&& (== net48) (< net45)) (== net5.0-windows7.0) (== netcoreapp3.1) (== netstandard2.0) (== xamarinmac)
      System.Runtime (>= 4.3) - restriction: || (&& (== net472) (== xamarinmac)) (&& (== net472) (< net46)) (&& (== net48) (== xamarinmac)) (&& (== net48) (< net46)) (== net5.0-windows7.0) (== netcoreapp3.1) (== netstandard2.0)
      System.Runtime.Handles (>= 4.3) - restriction: || (&& (== net472) (== xamarinmac)) (&& (== net472) (< net46)) (&& (== net48) (== xamarinmac)) (&& (== net48) (< net46)) (== net5.0-windows7.0) (== netcoreapp3.1) (== netstandard2.0)
    System.Threading.Timer (4.3) - restriction: || (&& (== net472) (< net45)) (&& (== net48) (< net45)) (== net5.0-windows7.0) (== netcoreapp3.1) (== netstandard2.0) (== xamarinmac)
      Microsoft.NETCore.Platforms (>= 1.1) - restriction: || (&& (== net472) (== xamarinmac)) (&& (== net472) (< net451)) (&& (== net48) (== xamarinmac)) (&& (== net48) (< net451)) (== net5.0-windows7.0) (== netcoreapp3.1) (== netstandard2.0)
      Microsoft.NETCore.Targets (>= 1.1) - restriction: || (&& (== net472) (== xamarinmac)) (&& (== net472) (< net451)) (&& (== net48) (== xamarinmac)) (&& (== net48) (< net451)) (== net5.0-windows7.0) (== netcoreapp3.1) (== netstandard2.0)
      System.Runtime (>= 4.3) - restriction: || (&& (== net472) (== xamarinmac)) (&& (== net472) (< net451)) (&& (== net48) (== xamarinmac)) (&& (== net48) (< net451)) (== net5.0-windows7.0) (== netcoreapp3.1) (== netstandard2.0)

GROUP Build
NUGET
  remote: https://api.nuget.org/v3/index.json
    FSharp.Core (5.0) - restriction: >= netstandard2.0
    FSharp.DependencyManager.Paket (7.1.5)
      FSharp.Core (5.0) - restriction: >= netstandard2.0
