RESTRICTION: || (== net472) (== net48) (== net5.0-windows7.0) (== net6.0-macos) (== net6.0-windows7.0) (== netstandard2.0)
NUGET
  remote: https://api.nuget.org/v3/index.json
    BlackFox.MasterOfFoo (1.0.6)
      FSharp.Core (>= 4.0.0.1) - restriction: || (== net472) (== net48) (&& (== net5.0-windows7.0) (>= net45)) (&& (== net6.0-macos) (>= net45)) (&& (== net6.0-windows7.0) (>= net45)) (&& (== netstandard2.0) (>= net45))
      FSharp.Core (>= 4.2.3) - restriction: || (&& (== net472) (< net45)) (&& (== net48) (< net45)) (== net5.0-windows7.0) (== net6.0-macos) (== net6.0-windows7.0) (== netstandard2.0)
    cef.redist.x64 (91.1.21) - restriction: || (== net472) (== net48) (== net5.0-windows7.0) (== net6.0-macos) (== net6.0-windows7.0) (&& (== netstandard2.0) (>= net452)) (&& (== netstandard2.0) (>= netcoreapp3.0))
    cef.redist.x86 (91.1.21) - restriction: || (== net472) (== net48) (== net5.0-windows7.0) (== net6.0-macos) (== net6.0-windows7.0) (&& (== netstandard2.0) (>= net452)) (&& (== netstandard2.0) (>= netcoreapp3.0))
    CefSharp.Common (91.1.211) - restriction: || (== net472) (== net48) (== net5.0-windows7.0) (== net6.0-macos) (== net6.0-windows7.0) (&& (== netstandard2.0) (>= net452)) (&& (== netstandard2.0) (>= netcoreapp3.0))
      cef.redist.x64 (91.1.21)
      cef.redist.x86 (91.1.21)
    CefSharp.WinForms (91.1.211)
      CefSharp.Common (91.1.211) - restriction: || (== net472) (== net48) (== net5.0-windows7.0) (== net6.0-macos) (== net6.0-windows7.0) (&& (== netstandard2.0) (>= net452)) (&& (== netstandard2.0) (>= netcoreapp3.0))
    CefSharp.Wpf (91.1.211)
      CefSharp.Common (91.1.211) - restriction: || (== net472) (== net48) (== net5.0-windows7.0) (== net6.0-macos) (== net6.0-windows7.0) (&& (== netstandard2.0) (>= net452)) (&& (== netstandard2.0) (>= netcoreapp3.0))
    FSharp.Core (5.0.2)
    System.Buffers (4.5.1) - restriction: || (== net472) (== net48) (&& (== net5.0-windows7.0) (>= net461)) (&& (== net5.0-windows7.0) (< netcoreapp2.0) (< netstandard2.1)) (&& (== net6.0-macos) (>= net461)) (&& (== net6.0-macos) (< netcoreapp2.0) (< netstandard2.1)) (&& (== net6.0-windows7.0) (>= net461)) (&& (== net6.0-windows7.0) (< netcoreapp2.0) (< netstandard2.1)) (== netstandard2.0)
    System.Memory (4.5.4) - restriction: || (== net472) (== net48) (&& (== net5.0-windows7.0) (>= net461)) (&& (== net5.0-windows7.0) (< netcoreapp2.0) (< netstandard2.1)) (&& (== net5.0-windows7.0) (< netcoreapp2.1) (< netstandard2.1)) (&& (== net5.0-windows7.0) (>= uap10.1)) (&& (== net6.0-macos) (>= net461)) (&& (== net6.0-macos) (< netcoreapp2.0) (< netstandard2.1)) (&& (== net6.0-macos) (< netcoreapp2.1) (< netstandard2.1)) (&& (== net6.0-macos) (>= uap10.1)) (&& (== net6.0-windows7.0) (>= net461)) (&& (== net6.0-windows7.0) (< netcoreapp2.0) (< netstandard2.1)) (&& (== net6.0-windows7.0) (< netcoreapp2.1) (< netstandard2.1)) (&& (== net6.0-windows7.0) (>= uap10.1)) (== netstandard2.0)
      System.Buffers (>= 4.5.1) - restriction: || (== net472) (== net48) (&& (== net5.0-windows7.0) (>= monotouch)) (&& (== net5.0-windows7.0) (>= net461)) (&& (== net5.0-windows7.0) (< netcoreapp2.0)) (&& (== net5.0-windows7.0) (< netstandard1.1)) (&& (== net5.0-windows7.0) (< netstandard2.0)) (&& (== net5.0-windows7.0) (>= xamarinios)) (&& (== net5.0-windows7.0) (>= xamarinmac)) (&& (== net5.0-windows7.0) (>= xamarintvos)) (&& (== net5.0-windows7.0) (>= xamarinwatchos)) (== net6.0-macos) (&& (== net6.0-windows7.0) (>= monotouch)) (&& (== net6.0-windows7.0) (>= net461)) (&& (== net6.0-windows7.0) (< netcoreapp2.0)) (&& (== net6.0-windows7.0) (< netstandard1.1)) (&& (== net6.0-windows7.0) (< netstandard2.0)) (&& (== net6.0-windows7.0) (>= xamarinios)) (&& (== net6.0-windows7.0) (>= xamarinmac)) (&& (== net6.0-windows7.0) (>= xamarintvos)) (&& (== net6.0-windows7.0) (>= xamarinwatchos)) (== netstandard2.0)
      System.Numerics.Vectors (>= 4.4) - restriction: || (&& (== net472) (== net5.0-windows7.0)) (&& (== net472) (== net6.0-macos)) (&& (== net472) (== net6.0-windows7.0)) (&& (== net472) (< net45)) (&& (== net48) (== net5.0-windows7.0)) (&& (== net48) (== net6.0-macos)) (&& (== net48) (== net6.0-windows7.0)) (&& (== net48) (< net45)) (&& (== net5.0-windows7.0) (< netcoreapp2.0)) (&& (== net6.0-macos) (< netcoreapp2.0) (< xamarinmac)) (&& (== net6.0-windows7.0) (< netcoreapp2.0)) (== netstandard2.0)
      System.Numerics.Vectors (>= 4.5) - restriction: || (== net472) (== net48) (&& (== net5.0-windows7.0) (>= net461)) (&& (== net6.0-macos) (>= net461)) (&& (== net6.0-windows7.0) (>= net461)) (&& (== netstandard2.0) (>= net461))
      System.Runtime.CompilerServices.Unsafe (>= 4.5.3) - restriction: || (== net472) (== net48) (&& (== net5.0-windows7.0) (>= monotouch)) (&& (== net5.0-windows7.0) (>= net461)) (&& (== net5.0-windows7.0) (< netcoreapp2.0)) (&& (== net5.0-windows7.0) (< netcoreapp2.1)) (&& (== net5.0-windows7.0) (< netstandard1.1)) (&& (== net5.0-windows7.0) (< netstandard2.0)) (&& (== net5.0-windows7.0) (>= uap10.1)) (&& (== net5.0-windows7.0) (>= xamarinios)) (&& (== net5.0-windows7.0) (>= xamarinmac)) (&& (== net5.0-windows7.0) (>= xamarintvos)) (&& (== net5.0-windows7.0) (>= xamarinwatchos)) (== net6.0-macos) (&& (== net6.0-windows7.0) (>= monotouch)) (&& (== net6.0-windows7.0) (>= net461)) (&& (== net6.0-windows7.0) (< netcoreapp2.0)) (&& (== net6.0-windows7.0) (< netcoreapp2.1)) (&& (== net6.0-windows7.0) (< netstandard1.1)) (&& (== net6.0-windows7.0) (< netstandard2.0)) (&& (== net6.0-windows7.0) (>= uap10.1)) (&& (== net6.0-windows7.0) (>= xamarinios)) (&& (== net6.0-windows7.0) (>= xamarinmac)) (&& (== net6.0-windows7.0) (>= xamarintvos)) (&& (== net6.0-windows7.0) (>= xamarinwatchos)) (== netstandard2.0)
    System.Numerics.Vectors (4.5) - restriction: || (== net472) (== net48) (&& (== net5.0-windows7.0) (>= net461)) (&& (== net5.0-windows7.0) (< netcoreapp2.0) (< netstandard2.1)) (&& (== net5.0-windows7.0) (>= uap10.1)) (&& (== net6.0-macos) (>= net461)) (&& (== net6.0-macos) (< netcoreapp2.0) (< netstandard2.1) (< xamarinmac)) (&& (== net6.0-macos) (>= uap10.1)) (&& (== net6.0-windows7.0) (>= net461)) (&& (== net6.0-windows7.0) (< netcoreapp2.0) (< netstandard2.1)) (&& (== net6.0-windows7.0) (>= uap10.1)) (== netstandard2.0)
    System.Runtime.CompilerServices.Unsafe (5.0) - restriction: || (== net472) (== net48) (&& (== net5.0-windows7.0) (>= monotouch)) (&& (== net5.0-windows7.0) (>= net461)) (&& (== net5.0-windows7.0) (< netcoreapp2.0) (< netstandard2.1)) (&& (== net5.0-windows7.0) (< netcoreapp2.1) (< netstandard2.1)) (&& (== net5.0-windows7.0) (< netstandard1.1)) (&& (== net5.0-windows7.0) (< netstandard2.0)) (&& (== net5.0-windows7.0) (>= uap10.1)) (&& (== net6.0-macos) (>= monotouch)) (&& (== net6.0-macos) (>= net461)) (&& (== net6.0-macos) (< netcoreapp2.0) (< netstandard2.1)) (&& (== net6.0-macos) (< netcoreapp2.1) (< netstandard2.1)) (&& (== net6.0-macos) (< netstandard1.1)) (&& (== net6.0-macos) (< netstandard2.0)) (&& (== net6.0-macos) (>= uap10.1)) (&& (== net6.0-windows7.0) (>= monotouch)) (&& (== net6.0-windows7.0) (>= net461)) (&& (== net6.0-windows7.0) (< netcoreapp2.0) (< netstandard2.1)) (&& (== net6.0-windows7.0) (< netcoreapp2.1) (< netstandard2.1)) (&& (== net6.0-windows7.0) (< netstandard1.1)) (&& (== net6.0-windows7.0) (< netstandard2.0)) (&& (== net6.0-windows7.0) (>= uap10.1)) (== netstandard2.0)
    System.Text.Encodings.Web (5.0.1)
      System.Buffers (>= 4.5.1) - restriction: || (== net472) (== net48) (&& (== net5.0-windows7.0) (>= net461)) (&& (== net5.0-windows7.0) (< netcoreapp2.0) (< netstandard2.1)) (&& (== net6.0-macos) (>= net461)) (&& (== net6.0-macos) (< netcoreapp2.0) (< netstandard2.1)) (&& (== net6.0-windows7.0) (>= net461)) (&& (== net6.0-windows7.0) (< netcoreapp2.0) (< netstandard2.1)) (== netstandard2.0)
      System.Memory (>= 4.5.4) - restriction: || (== net472) (== net48) (&& (== net5.0-windows7.0) (>= net461)) (&& (== net5.0-windows7.0) (< netcoreapp2.0) (< netstandard2.1)) (&& (== net5.0-windows7.0) (< netcoreapp2.1) (< netstandard2.1)) (&& (== net5.0-windows7.0) (>= uap10.1)) (&& (== net6.0-macos) (>= net461)) (&& (== net6.0-macos) (< netcoreapp2.0) (< netstandard2.1)) (&& (== net6.0-macos) (< netcoreapp2.1) (< netstandard2.1)) (&& (== net6.0-macos) (>= uap10.1)) (&& (== net6.0-windows7.0) (>= net461)) (&& (== net6.0-windows7.0) (< netcoreapp2.0) (< netstandard2.1)) (&& (== net6.0-windows7.0) (< netcoreapp2.1) (< netstandard2.1)) (&& (== net6.0-windows7.0) (>= uap10.1)) (== netstandard2.0)

GROUP Build
NUGET
  remote: https://api.nuget.org/v3/index.json
    FSharp.Core (5.0) - restriction: >= netstandard2.0
    FSharp.DependencyManager.Paket (6.0.13)
      FSharp.Core (>= 5.0) - restriction: >= netstandard2.0
