RESTRICTION: || (== net472) (== net48) (== net6.0) (== netcoreapp3.1) (== netstandard2.0) (== xamarinmac)
NUGET
  remote: https://api.nuget.org/v3/index.json
    BlackFox.MasterOfFoo (1.0.6)
      FSharp.Core (>= 4.0.0.1) - restriction: || (== net472) (== net48) (&& (== net6.0) (>= net45)) (&& (== netcoreapp3.1) (>= net45)) (&& (== netstandard2.0) (>= net45)) (&& (== xamarinmac) (>= net45))
      FSharp.Core (>= 4.2.3) - restriction: || (&& (== net472) (< net45)) (&& (== net48) (< net45)) (== net6.0) (== netcoreapp3.1) (== netstandard2.0) (== xamarinmac)
    cef.redist.x64 (96.0.18) - restriction: || (== net472) (== net48) (&& (== net6.0) (>= net452)) (&& (== netcoreapp3.1) (>= net452)) (&& (== netstandard2.0) (>= net452)) (&& (== xamarinmac) (>= net452))
    cef.redist.x86 (96.0.18) - restriction: || (== net472) (== net48) (&& (== net6.0) (>= net452)) (&& (== netcoreapp3.1) (>= net452)) (&& (== netstandard2.0) (>= net452)) (&& (== xamarinmac) (>= net452))
    CefSharp.Common (96.0.180) - restriction: || (== net472) (== net48) (&& (== net6.0) (>= net452)) (&& (== netcoreapp3.1) (>= net452)) (&& (== netstandard2.0) (>= net452)) (&& (== xamarinmac) (>= net452))
      cef.redist.x64 (96.0.18) - restriction: || (== net472) (== net48) (&& (== net6.0) (>= net452)) (&& (== netcoreapp3.1) (>= net452)) (&& (== netstandard2.0) (>= net452)) (&& (== xamarinmac) (>= net452))
      cef.redist.x86 (96.0.18) - restriction: || (== net472) (== net48) (&& (== net6.0) (>= net452)) (&& (== netcoreapp3.1) (>= net452)) (&& (== netstandard2.0) (>= net452)) (&& (== xamarinmac) (>= net452))
    CefSharp.WinForms (96.0.180)
      CefSharp.Common (96.0.180) - restriction: || (== net472) (== net48) (&& (== net6.0) (>= net452)) (&& (== netcoreapp3.1) (>= net452)) (&& (== netstandard2.0) (>= net452)) (&& (== xamarinmac) (>= net452))
    CefSharp.Wpf (96.0.180)
      CefSharp.Common (96.0.180) - restriction: || (== net472) (== net48) (&& (== net6.0) (>= net452)) (&& (== netcoreapp3.1) (>= net452)) (&& (== netstandard2.0) (>= net452)) (&& (== xamarinmac) (>= net452))
    FSharp.Core (6.0.1)
    System.Buffers (4.5.1) - restriction: || (== net472) (== net48) (&& (== net6.0) (>= net461)) (&& (== net6.0) (< netcoreapp3.1)) (&& (== netcoreapp3.1) (>= net461)) (== netstandard2.0) (== xamarinmac)
    System.Memory (4.5.4) - restriction: || (== net472) (== net48) (&& (== net6.0) (>= net461)) (&& (== net6.0) (< netcoreapp3.1)) (&& (== netcoreapp3.1) (>= net461)) (== netstandard2.0) (== xamarinmac)
      System.Buffers (>= 4.5.1) - restriction: || (== net472) (== net48) (&& (== net6.0) (>= monotouch)) (&& (== net6.0) (>= net461)) (&& (== net6.0) (< netcoreapp2.0)) (&& (== net6.0) (< netstandard1.1)) (&& (== net6.0) (< netstandard2.0)) (&& (== net6.0) (>= xamarinios)) (&& (== net6.0) (>= xamarinmac)) (&& (== net6.0) (>= xamarintvos)) (&& (== net6.0) (>= xamarinwatchos)) (&& (== netcoreapp3.1) (>= monotouch)) (&& (== netcoreapp3.1) (>= net461)) (&& (== netcoreapp3.1) (< netcoreapp2.0)) (&& (== netcoreapp3.1) (< netstandard1.1)) (&& (== netcoreapp3.1) (< netstandard2.0)) (&& (== netcoreapp3.1) (>= xamarinios)) (&& (== netcoreapp3.1) (>= xamarinmac)) (&& (== netcoreapp3.1) (>= xamarintvos)) (&& (== netcoreapp3.1) (>= xamarinwatchos)) (== netstandard2.0) (== xamarinmac)
      System.Numerics.Vectors (>= 4.4) - restriction: || (&& (== net472) (< net45)) (&& (== net48) (< net45)) (&& (== net6.0) (< netcoreapp2.0)) (&& (== netcoreapp3.1) (< netcoreapp2.0)) (== netstandard2.0)
      System.Numerics.Vectors (>= 4.5) - restriction: || (== net472) (== net48) (&& (== net6.0) (>= net461)) (&& (== netcoreapp3.1) (>= net461)) (&& (== netstandard2.0) (>= net461)) (&& (== xamarinmac) (>= net461))
      System.Runtime.CompilerServices.Unsafe (>= 4.5.3) - restriction: || (== net472) (== net48) (&& (== net6.0) (>= monotouch)) (&& (== net6.0) (>= net461)) (&& (== net6.0) (< netcoreapp2.0)) (&& (== net6.0) (< netcoreapp2.1)) (&& (== net6.0) (< netstandard1.1)) (&& (== net6.0) (< netstandard2.0)) (&& (== net6.0) (>= uap10.1)) (&& (== net6.0) (>= xamarinios)) (&& (== net6.0) (>= xamarinmac)) (&& (== net6.0) (>= xamarintvos)) (&& (== net6.0) (>= xamarinwatchos)) (&& (== netcoreapp3.1) (>= monotouch)) (&& (== netcoreapp3.1) (>= net461)) (&& (== netcoreapp3.1) (< netcoreapp2.0)) (&& (== netcoreapp3.1) (< netcoreapp2.1)) (&& (== netcoreapp3.1) (< netstandard1.1)) (&& (== netcoreapp3.1) (< netstandard2.0)) (&& (== netcoreapp3.1) (>= uap10.1)) (&& (== netcoreapp3.1) (>= xamarinios)) (&& (== netcoreapp3.1) (>= xamarinmac)) (&& (== netcoreapp3.1) (>= xamarintvos)) (&& (== netcoreapp3.1) (>= xamarinwatchos)) (== netstandard2.0) (== xamarinmac)
    System.Numerics.Vectors (4.5) - restriction: || (== net472) (== net48) (&& (== net6.0) (== xamarinmac)) (&& (== net6.0) (>= net461)) (&& (== net6.0) (< netcoreapp2.0)) (&& (== netcoreapp3.1) (>= net461)) (== netstandard2.0) (&& (== xamarinmac) (>= net461))
    System.Runtime.CompilerServices.Unsafe (6.0)
    System.Text.Encodings.Web (6.0)
      System.Buffers (>= 4.5.1) - restriction: || (== net472) (== net48) (&& (== net6.0) (>= net461)) (&& (== net6.0) (< netcoreapp3.1)) (&& (== netcoreapp3.1) (>= net461)) (== netstandard2.0) (== xamarinmac)
      System.Memory (>= 4.5.4) - restriction: || (== net472) (== net48) (&& (== net6.0) (>= net461)) (&& (== net6.0) (< netcoreapp3.1)) (&& (== netcoreapp3.1) (>= net461)) (== netstandard2.0) (== xamarinmac)
      System.Runtime.CompilerServices.Unsafe (>= 6.0)
    Webview (0.1)

GROUP Build
NUGET
  remote: https://api.nuget.org/v3/index.json
    FSharp.Core (5.0) - restriction: >= netstandard2.0
    FSharp.DependencyManager.Paket (6.2.1)
      FSharp.Core (>= 5.0) - restriction: >= netstandard2.0
