RESTRICTION: || (== net472) (== net48) (== net5.0-windows7.0) (== net6.0) (== net6.0-macos) (== net6.0-windows7.0) (== netstandard2.0)
NUGET
  remote: https://api.nuget.org/v3/index.json
    AtkSharp (3.24.24.95)
      GLibSharp (>= 3.24.24.95)
    BlackFox.MasterOfFoo (1.0.6)
      FSharp.Core (>= 4.0.0.1) - restriction: || (== net472) (== net48) (&& (== net5.0-windows7.0) (>= net45)) (&& (== net6.0) (>= net45)) (&& (== net6.0-macos) (>= net45)) (&& (== net6.0-windows7.0) (>= net45)) (&& (== netstandard2.0) (>= net45))
      FSharp.Core (>= 4.2.3) - restriction: || (&& (== net472) (< net45)) (&& (== net48) (< net45)) (== net5.0-windows7.0) (== net6.0) (== net6.0-macos) (== net6.0-windows7.0) (== netstandard2.0)
    CairoSharp (3.24.24.95)
    cef.redist.x64 (86.0.24) - restriction: || (== net472) (== net48) (== net5.0-windows7.0) (== net6.0) (== net6.0-macos) (== net6.0-windows7.0) (&& (== netstandard2.0) (>= net452)) (&& (== netstandard2.0) (>= netcoreapp3.0))
    cef.redist.x86 (86.0.24) - restriction: || (== net472) (== net48) (== net5.0-windows7.0) (== net6.0) (== net6.0-macos) (== net6.0-windows7.0) (&& (== netstandard2.0) (>= net452)) (&& (== netstandard2.0) (>= netcoreapp3.0))
    CefSharp.Common (86.0.241) - restriction: || (== net472) (== net48) (== net5.0-windows7.0) (== net6.0) (== net6.0-macos) (== net6.0-windows7.0) (&& (== netstandard2.0) (>= net452)) (&& (== netstandard2.0) (>= netcoreapp3.0))
      cef.redist.x64 (86.0.24)
      cef.redist.x86 (86.0.24)
    CefSharp.WinForms (86.0.241)
      CefSharp.Common (86.0.241) - restriction: || (== net472) (== net48) (== net5.0-windows7.0) (== net6.0) (== net6.0-macos) (== net6.0-windows7.0) (&& (== netstandard2.0) (>= net452)) (&& (== netstandard2.0) (>= netcoreapp3.0))
    CefSharp.Wpf (86.0.241)
      CefSharp.Common (86.0.241) - restriction: || (== net472) (== net48) (== net5.0-windows7.0) (== net6.0) (== net6.0-macos) (== net6.0-windows7.0) (&& (== netstandard2.0) (>= net452)) (&& (== netstandard2.0) (>= netcoreapp3.0))
    FSharp.Core (7.0.400)
    GdkSharp (3.24.24.95)
      CairoSharp (>= 3.24.24.95)
      GioSharp (>= 3.24.24.95)
      GLibSharp (>= 3.24.24.95)
      PangoSharp (>= 3.24.24.95)
    GioSharp (3.24.24.95)
      GLibSharp (>= 3.24.24.95)
    GLibSharp (3.24.24.95)
    GtkSharp (3.24.24.95)
      AtkSharp (>= 3.24.24.95)
      CairoSharp (>= 3.24.24.95)
      GdkSharp (>= 3.24.24.95)
      GioSharp (>= 3.24.24.95)
      GLibSharp (>= 3.24.24.95)
      PangoSharp (>= 3.24.24.95)
    NuGet.Build.Tasks.Pack (6.7)
    PangoSharp (3.24.24.95)
      CairoSharp (>= 3.24.24.95)
      GLibSharp (>= 3.24.24.95)
    System.Buffers (4.5.1) - restriction: || (== net472) (== net48) (== net5.0-windows7.0) (&& (== net6.0) (>= net462)) (&& (== net6.0-macos) (>= monotouch)) (&& (== net6.0-macos) (>= net461)) (&& (== net6.0-macos) (>= net462)) (&& (== net6.0-macos) (< net6.0)) (&& (== net6.0-macos) (< netcoreapp2.0)) (&& (== net6.0-macos) (< netstandard1.1)) (&& (== net6.0-macos) (< netstandard2.0)) (&& (== net6.0-windows7.0) (>= monotouch)) (&& (== net6.0-windows7.0) (>= net461)) (&& (== net6.0-windows7.0) (>= net462)) (&& (== net6.0-windows7.0) (< net6.0)) (&& (== net6.0-windows7.0) (< netcoreapp2.0)) (&& (== net6.0-windows7.0) (< netstandard1.1)) (&& (== net6.0-windows7.0) (< netstandard2.0)) (== netstandard2.0)
    System.Memory (4.5.5) - restriction: || (== net472) (== net48) (== net5.0-windows7.0) (&& (== net6.0) (>= net462)) (&& (== net6.0-macos) (>= net462)) (&& (== net6.0-macos) (< net6.0)) (&& (== net6.0-windows7.0) (>= net462)) (&& (== net6.0-windows7.0) (< net6.0)) (== netstandard2.0)
      System.Buffers (>= 4.5.1) - restriction: || (== net472) (== net48) (&& (== net5.0-windows7.0) (>= monotouch)) (&& (== net5.0-windows7.0) (>= net461)) (&& (== net5.0-windows7.0) (< netcoreapp2.0)) (&& (== net5.0-windows7.0) (< netstandard1.1)) (&& (== net5.0-windows7.0) (< netstandard2.0)) (&& (== net5.0-windows7.0) (>= xamarinios)) (&& (== net5.0-windows7.0) (>= xamarinmac)) (&& (== net5.0-windows7.0) (>= xamarintvos)) (&& (== net5.0-windows7.0) (>= xamarinwatchos)) (&& (== net6.0) (>= monotouch)) (&& (== net6.0) (>= net461)) (&& (== net6.0) (< netcoreapp2.0)) (&& (== net6.0) (< netstandard1.1)) (&& (== net6.0) (< netstandard2.0)) (&& (== net6.0) (>= xamarinios)) (&& (== net6.0) (>= xamarinmac)) (&& (== net6.0) (>= xamarintvos)) (&& (== net6.0) (>= xamarinwatchos)) (== net6.0-macos) (&& (== net6.0-windows7.0) (>= monotouch)) (&& (== net6.0-windows7.0) (>= net461)) (&& (== net6.0-windows7.0) (< netcoreapp2.0)) (&& (== net6.0-windows7.0) (< netstandard1.1)) (&& (== net6.0-windows7.0) (< netstandard2.0)) (&& (== net6.0-windows7.0) (>= xamarinios)) (&& (== net6.0-windows7.0) (>= xamarinmac)) (&& (== net6.0-windows7.0) (>= xamarintvos)) (&& (== net6.0-windows7.0) (>= xamarinwatchos)) (== netstandard2.0)
      System.Numerics.Vectors (>= 4.4) - restriction: || (&& (== net472) (== net5.0-windows7.0)) (&& (== net472) (== net6.0)) (&& (== net472) (== net6.0-macos)) (&& (== net472) (== net6.0-windows7.0)) (&& (== net472) (< net45)) (&& (== net48) (== net5.0-windows7.0)) (&& (== net48) (== net6.0)) (&& (== net48) (== net6.0-macos)) (&& (== net48) (== net6.0-windows7.0)) (&& (== net48) (< net45)) (&& (== net5.0-windows7.0) (< netcoreapp2.0)) (&& (== net6.0) (< netcoreapp2.0)) (&& (== net6.0-macos) (< netcoreapp2.0) (< xamarinmac)) (&& (== net6.0-windows7.0) (< netcoreapp2.0)) (== netstandard2.0)
      System.Numerics.Vectors (>= 4.5) - restriction: || (== net472) (== net48) (&& (== net5.0-windows7.0) (>= net461)) (&& (== net6.0) (>= net461)) (&& (== net6.0-macos) (>= net461)) (&& (== net6.0-windows7.0) (>= net461)) (&& (== netstandard2.0) (>= net461))
      System.Runtime.CompilerServices.Unsafe (>= 4.5.3) - restriction: || (== net472) (== net48) (&& (== net5.0-windows7.0) (>= monotouch)) (&& (== net5.0-windows7.0) (>= net461)) (&& (== net5.0-windows7.0) (< netcoreapp2.0)) (&& (== net5.0-windows7.0) (< netcoreapp2.1)) (&& (== net5.0-windows7.0) (< netstandard1.1)) (&& (== net5.0-windows7.0) (< netstandard2.0)) (&& (== net5.0-windows7.0) (>= uap10.1)) (&& (== net5.0-windows7.0) (>= xamarinios)) (&& (== net5.0-windows7.0) (>= xamarinmac)) (&& (== net5.0-windows7.0) (>= xamarintvos)) (&& (== net5.0-windows7.0) (>= xamarinwatchos)) (&& (== net6.0) (>= monotouch)) (&& (== net6.0) (>= net461)) (&& (== net6.0) (< netcoreapp2.0)) (&& (== net6.0) (< netcoreapp2.1)) (&& (== net6.0) (< netstandard1.1)) (&& (== net6.0) (< netstandard2.0)) (&& (== net6.0) (>= uap10.1)) (&& (== net6.0) (>= xamarinios)) (&& (== net6.0) (>= xamarinmac)) (&& (== net6.0) (>= xamarintvos)) (&& (== net6.0) (>= xamarinwatchos)) (== net6.0-macos) (&& (== net6.0-windows7.0) (>= monotouch)) (&& (== net6.0-windows7.0) (>= net461)) (&& (== net6.0-windows7.0) (< netcoreapp2.0)) (&& (== net6.0-windows7.0) (< netcoreapp2.1)) (&& (== net6.0-windows7.0) (< netstandard1.1)) (&& (== net6.0-windows7.0) (< netstandard2.0)) (&& (== net6.0-windows7.0) (>= uap10.1)) (&& (== net6.0-windows7.0) (>= xamarinios)) (&& (== net6.0-windows7.0) (>= xamarinmac)) (&& (== net6.0-windows7.0) (>= xamarintvos)) (&& (== net6.0-windows7.0) (>= xamarinwatchos)) (== netstandard2.0)
    System.Numerics.Vectors (4.5) - restriction: || (== net472) (== net48) (&& (== net5.0-windows7.0) (>= net461)) (&& (== net5.0-windows7.0) (< netcoreapp2.0)) (&& (== net6.0) (== net6.0-macos) (< netcoreapp2.0)) (&& (== net6.0) (>= net462)) (&& (== net6.0-macos) (>= net461)) (&& (== net6.0-macos) (>= net462)) (&& (== net6.0-macos) (< netcoreapp2.0) (< xamarinmac)) (&& (== net6.0-windows7.0) (>= net461)) (&& (== net6.0-windows7.0) (>= net462)) (&& (== net6.0-windows7.0) (< netcoreapp2.0)) (== netstandard2.0)
    System.Runtime.CompilerServices.Unsafe (6.0)
    System.Text.Encodings.Web (7.0)
      System.Buffers (>= 4.5.1) - restriction: || (== net472) (== net48) (== net5.0-windows7.0) (&& (== net6.0) (>= net462)) (&& (== net6.0-macos) (>= net462)) (&& (== net6.0-macos) (< net6.0)) (&& (== net6.0-windows7.0) (>= net462)) (&& (== net6.0-windows7.0) (< net6.0)) (== netstandard2.0)
      System.Memory (>= 4.5.5) - restriction: || (== net472) (== net48) (== net5.0-windows7.0) (&& (== net6.0) (>= net462)) (&& (== net6.0-macos) (>= net462)) (&& (== net6.0-macos) (< net6.0)) (&& (== net6.0-windows7.0) (>= net462)) (&& (== net6.0-windows7.0) (< net6.0)) (== netstandard2.0)
      System.Runtime.CompilerServices.Unsafe (>= 6.0)
    WebkitGtkSharp (3.24.24.95)
      GtkSharp (>= 3.24.24.95)

GROUP Build
NUGET
  remote: https://api.nuget.org/v3/index.json
    FSharp.Core (5.0) - restriction: >= netstandard2.0
    FSharp.DependencyManager.Paket (7.1.5)
      FSharp.Core (5.0) - restriction: >= netstandard2.0
